STORAGE: NONE
RESTRICTION: || (== net5.0) (== netstandard2.0) (== netstandard2.1)
NUGET
  remote: https://api.nuget.org/v3/index.json
    FSharp.Core (6.0.1)
    FsUnit (4.0.7)
      FSharp.Core (>= 4.7.2)
      NETStandard.Library (>= 2.0.3)
      NUnit (>= 3.13.2 < 3.14)
    Microsoft.AspNet.WebApi.Client (5.2.7) - restriction: || (== net5.0) (&& (== netstandard2.0) (>= netcoreapp2.2)) (&& (== netstandard2.1) (>= netcoreapp2.2))
      Newtonsoft.Json (>= 10.0.1)
      Newtonsoft.Json.Bson (>= 1.0.1)
    Microsoft.AspNetCore (2.2) - restriction: || (== net5.0) (&& (== netstandard2.0) (>= netcoreapp2.2)) (&& (== netstandard2.1) (>= netcoreapp2.2))
      Microsoft.AspNetCore.Diagnostics (>= 2.2)
      Microsoft.AspNetCore.HostFiltering (>= 2.2)
      Microsoft.AspNetCore.Hosting (>= 2.2)
      Microsoft.AspNetCore.Routing (>= 2.2)
      Microsoft.AspNetCore.Server.IIS (>= 2.2)
      Microsoft.AspNetCore.Server.IISIntegration (>= 2.2)
      Microsoft.AspNetCore.Server.Kestrel (>= 2.2)
      Microsoft.AspNetCore.Server.Kestrel.Https (>= 2.2)
      Microsoft.Extensions.Configuration.CommandLine (>= 2.2)
      Microsoft.Extensions.Configuration.EnvironmentVariables (>= 2.2)
      Microsoft.Extensions.Configuration.FileExtensions (>= 2.2)
      Microsoft.Extensions.Configuration.Json (>= 2.2)
      Microsoft.Extensions.Configuration.UserSecrets (>= 2.2)
      Microsoft.Extensions.Logging (>= 2.2)
      Microsoft.Extensions.Logging.Configuration (>= 2.2)
      Microsoft.Extensions.Logging.Console (>= 2.2)
      Microsoft.Extensions.Logging.Debug (>= 2.2)
      Microsoft.Extensions.Logging.EventSource (>= 2.2)
    Microsoft.AspNetCore.Antiforgery (2.2) - restriction: || (== net5.0) (&& (== netstandard2.0) (>= netcoreapp2.2)) (&& (== netstandard2.1) (>= netcoreapp2.2))
      Microsoft.AspNetCore.DataProtection (>= 2.2)
      Microsoft.AspNetCore.Http.Abstractions (>= 2.2)
      Microsoft.AspNetCore.Http.Extensions (>= 2.2)
      Microsoft.AspNetCore.WebUtilities (>= 2.2)
      Microsoft.Extensions.ObjectPool (>= 2.2)
    Microsoft.AspNetCore.App (2.2.8)
      Microsoft.AspNet.WebApi.Client (>= 5.2.6 < 5.3) - restriction: || (== net5.0) (&& (== netstandard2.0) (>= netcoreapp2.2)) (&& (== netstandard2.1) (>= netcoreapp2.2))
      Microsoft.AspNetCore (>= 2.2 < 2.3) - restriction: || (== net5.0) (&& (== netstandard2.0) (>= netcoreapp2.2)) (&& (== netstandard2.1) (>= netcoreapp2.2))
      Microsoft.AspNetCore.Antiforgery (>= 2.2 < 2.3) - restriction: || (== net5.0) (&& (== netstandard2.0) (>= netcoreapp2.2)) (&& (== netstandard2.1) (>= netcoreapp2.2))
      Microsoft.AspNetCore.Authentication (>= 2.2 < 2.3) - restriction: || (== net5.0) (&& (== netstandard2.0) (>= netcoreapp2.2)) (&& (== netstandard2.1) (>= netcoreapp2.2))
      Microsoft.AspNetCore.Authentication.Abstractions (>= 2.2 < 2.3) - restriction: || (== net5.0) (&& (== netstandard2.0) (>= netcoreapp2.2)) (&& (== netstandard2.1) (>= netcoreapp2.2))
      Microsoft.AspNetCore.Authentication.Cookies (>= 2.2 < 2.3) - restriction: || (== net5.0) (&& (== netstandard2.0) (>= netcoreapp2.2)) (&& (== netstandard2.1) (>= netcoreapp2.2))
      Microsoft.AspNetCore.Authentication.Core (>= 2.2 < 2.3) - restriction: || (== net5.0) (&& (== netstandard2.0) (>= netcoreapp2.2)) (&& (== netstandard2.1) (>= netcoreapp2.2))
      Microsoft.AspNetCore.Authentication.Facebook (>= 2.2 < 2.3) - restriction: || (== net5.0) (&& (== netstandard2.0) (>= netcoreapp2.2)) (&& (== netstandard2.1) (>= netcoreapp2.2))
      Microsoft.AspNetCore.Authentication.Google (>= 2.2.2 < 2.3) - restriction: || (== net5.0) (&& (== netstandard2.0) (>= netcoreapp2.2)) (&& (== netstandard2.1) (>= netcoreapp2.2))
      Microsoft.AspNetCore.Authentication.JwtBearer (>= 2.2 < 2.3) - restriction: || (== net5.0) (&& (== netstandard2.0) (>= netcoreapp2.2)) (&& (== netstandard2.1) (>= netcoreapp2.2))
      Microsoft.AspNetCore.Authentication.MicrosoftAccount (>= 2.2 < 2.3) - restriction: || (== net5.0) (&& (== netstandard2.0) (>= netcoreapp2.2)) (&& (== netstandard2.1) (>= netcoreapp2.2))
      Microsoft.AspNetCore.Authentication.OAuth (>= 2.2 < 2.3) - restriction: || (== net5.0) (&& (== netstandard2.0) (>= netcoreapp2.2)) (&& (== netstandard2.1) (>= netcoreapp2.2))
      Microsoft.AspNetCore.Authentication.OpenIdConnect (>= 2.2 < 2.3) - restriction: || (== net5.0) (&& (== netstandard2.0) (>= netcoreapp2.2)) (&& (== netstandard2.1) (>= netcoreapp2.2))
      Microsoft.AspNetCore.Authentication.Twitter (>= 2.2 < 2.3) - restriction: || (== net5.0) (&& (== netstandard2.0) (>= netcoreapp2.2)) (&& (== netstandard2.1) (>= netcoreapp2.2))
      Microsoft.AspNetCore.Authentication.WsFederation (>= 2.2 < 2.3) - restriction: || (== net5.0) (&& (== netstandard2.0) (>= netcoreapp2.2)) (&& (== netstandard2.1) (>= netcoreapp2.2))
      Microsoft.AspNetCore.Authorization (>= 2.2 < 2.3) - restriction: || (== net5.0) (&& (== netstandard2.0) (>= netcoreapp2.2)) (&& (== netstandard2.1) (>= netcoreapp2.2))
      Microsoft.AspNetCore.Authorization.Policy (>= 2.2 < 2.3) - restriction: || (== net5.0) (&& (== netstandard2.0) (>= netcoreapp2.2)) (&& (== netstandard2.1) (>= netcoreapp2.2))
      Microsoft.AspNetCore.Connections.Abstractions (>= 2.2 < 2.3) - restriction: || (== net5.0) (&& (== netstandard2.0) (>= netcoreapp2.2)) (&& (== netstandard2.1) (>= netcoreapp2.2))
      Microsoft.AspNetCore.CookiePolicy (>= 2.2.8 < 2.3) - restriction: || (== net5.0) (&& (== netstandard2.0) (>= netcoreapp2.2)) (&& (== netstandard2.1) (>= netcoreapp2.2))
      Microsoft.AspNetCore.Cors (>= 2.2 < 2.3) - restriction: || (== net5.0) (&& (== netstandard2.0) (>= netcoreapp2.2)) (&& (== netstandard2.1) (>= netcoreapp2.2))
      Microsoft.AspNetCore.Cryptography.Internal (>= 2.2 < 2.3) - restriction: || (== net5.0) (&& (== netstandard2.0) (>= netcoreapp2.2)) (&& (== netstandard2.1) (>= netcoreapp2.2))
      Microsoft.AspNetCore.Cryptography.KeyDerivation (>= 2.2 < 2.3) - restriction: || (== net5.0) (&& (== netstandard2.0) (>= netcoreapp2.2)) (&& (== netstandard2.1) (>= netcoreapp2.2))
      Microsoft.AspNetCore.DataProtection (>= 2.2 < 2.3) - restriction: || (== net5.0) (&& (== netstandard2.0) (>= netcoreapp2.2)) (&& (== netstandard2.1) (>= netcoreapp2.2))
      Microsoft.AspNetCore.DataProtection.Abstractions (>= 2.2 < 2.3) - restriction: || (== net5.0) (&& (== netstandard2.0) (>= netcoreapp2.2)) (&& (== netstandard2.1) (>= netcoreapp2.2))
      Microsoft.AspNetCore.DataProtection.Extensions (>= 2.2 < 2.3) - restriction: || (== net5.0) (&& (== netstandard2.0) (>= netcoreapp2.2)) (&& (== netstandard2.1) (>= netcoreapp2.2))
      Microsoft.AspNetCore.Diagnostics (>= 2.2 < 2.3) - restriction: || (== net5.0) (&& (== netstandard2.0) (>= netcoreapp2.2)) (&& (== netstandard2.1) (>= netcoreapp2.2))
      Microsoft.AspNetCore.Diagnostics.Abstractions (>= 2.2 < 2.3) - restriction: || (== net5.0) (&& (== netstandard2.0) (>= netcoreapp2.2)) (&& (== netstandard2.1) (>= netcoreapp2.2))
      Microsoft.AspNetCore.Diagnostics.EntityFrameworkCore (>= 2.2.1 < 2.3) - restriction: || (== net5.0) (&& (== netstandard2.0) (>= netcoreapp2.2)) (&& (== netstandard2.1) (>= netcoreapp2.2))
      Microsoft.AspNetCore.Diagnostics.HealthChecks (>= 2.2 < 2.3) - restriction: || (== net5.0) (&& (== netstandard2.0) (>= netcoreapp2.2)) (&& (== netstandard2.1) (>= netcoreapp2.2))
      Microsoft.AspNetCore.HostFiltering (>= 2.2 < 2.3) - restriction: || (== net5.0) (&& (== netstandard2.0) (>= netcoreapp2.2)) (&& (== netstandard2.1) (>= netcoreapp2.2))
      Microsoft.AspNetCore.Hosting (>= 2.2.7 < 2.3) - restriction: || (== net5.0) (&& (== netstandard2.0) (>= netcoreapp2.2)) (&& (== netstandard2.1) (>= netcoreapp2.2))
      Microsoft.AspNetCore.Hosting.Abstractions (>= 2.2 < 2.3) - restriction: || (== net5.0) (&& (== netstandard2.0) (>= netcoreapp2.2)) (&& (== netstandard2.1) (>= netcoreapp2.2))
      Microsoft.AspNetCore.Hosting.Server.Abstractions (>= 2.2 < 2.3) - restriction: || (== net5.0) (&& (== netstandard2.0) (>= netcoreapp2.2)) (&& (== netstandard2.1) (>= netcoreapp2.2))
      Microsoft.AspNetCore.Html.Abstractions (>= 2.2 < 2.3) - restriction: || (== net5.0) (&& (== netstandard2.0) (>= netcoreapp2.2)) (&& (== netstandard2.1) (>= netcoreapp2.2))
      Microsoft.AspNetCore.Http (>= 2.2.2 < 2.3) - restriction: || (== net5.0) (&& (== netstandard2.0) (>= netcoreapp2.2)) (&& (== netstandard2.1) (>= netcoreapp2.2))
      Microsoft.AspNetCore.Http.Abstractions (>= 2.2 < 2.3) - restriction: || (== net5.0) (&& (== netstandard2.0) (>= netcoreapp2.2)) (&& (== netstandard2.1) (>= netcoreapp2.2))
      Microsoft.AspNetCore.Http.Connections (>= 1.1 < 1.2) - restriction: || (== net5.0) (&& (== netstandard2.0) (>= netcoreapp2.2)) (&& (== netstandard2.1) (>= netcoreapp2.2))
      Microsoft.AspNetCore.Http.Connections.Common (>= 1.1 < 1.2) - restriction: || (== net5.0) (&& (== netstandard2.0) (>= netcoreapp2.2)) (&& (== netstandard2.1) (>= netcoreapp2.2))
      Microsoft.AspNetCore.Http.Extensions (>= 2.2 < 2.3) - restriction: || (== net5.0) (&& (== netstandard2.0) (>= netcoreapp2.2)) (&& (== netstandard2.1) (>= netcoreapp2.2))
      Microsoft.AspNetCore.Http.Features (>= 2.2 < 2.3) - restriction: || (== net5.0) (&& (== netstandard2.0) (>= netcoreapp2.2)) (&& (== netstandard2.1) (>= netcoreapp2.2))
      Microsoft.AspNetCore.HttpOverrides (>= 2.2 < 2.3) - restriction: || (== net5.0) (&& (== netstandard2.0) (>= netcoreapp2.2)) (&& (== netstandard2.1) (>= netcoreapp2.2))
      Microsoft.AspNetCore.HttpsPolicy (>= 2.2 < 2.3) - restriction: || (== net5.0) (&& (== netstandard2.0) (>= netcoreapp2.2)) (&& (== netstandard2.1) (>= netcoreapp2.2))
      Microsoft.AspNetCore.Identity (>= 2.2 < 2.3) - restriction: || (== net5.0) (&& (== netstandard2.0) (>= netcoreapp2.2)) (&& (== netstandard2.1) (>= netcoreapp2.2))
      Microsoft.AspNetCore.Identity.EntityFrameworkCore (>= 2.2 < 2.3) - restriction: || (== net5.0) (&& (== netstandard2.0) (>= netcoreapp2.2)) (&& (== netstandard2.1) (>= netcoreapp2.2))
      Microsoft.AspNetCore.Identity.UI (>= 2.2.5 < 2.3) - restriction: || (== net5.0) (&& (== netstandard2.0) (>= netcoreapp2.2)) (&& (== netstandard2.1) (>= netcoreapp2.2))
      Microsoft.AspNetCore.JsonPatch (>= 2.2 < 2.3) - restriction: || (== net5.0) (&& (== netstandard2.0) (>= netcoreapp2.2)) (&& (== netstandard2.1) (>= netcoreapp2.2))
      Microsoft.AspNetCore.Localization (>= 2.2 < 2.3) - restriction: || (== net5.0) (&& (== netstandard2.0) (>= netcoreapp2.2)) (&& (== netstandard2.1) (>= netcoreapp2.2))
      Microsoft.AspNetCore.Localization.Routing (>= 2.2 < 2.3) - restriction: || (== net5.0) (&& (== netstandard2.0) (>= netcoreapp2.2)) (&& (== netstandard2.1) (>= netcoreapp2.2))
      Microsoft.AspNetCore.MiddlewareAnalysis (>= 2.2 < 2.3) - restriction: || (== net5.0) (&& (== netstandard2.0) (>= netcoreapp2.2)) (&& (== netstandard2.1) (>= netcoreapp2.2))
      Microsoft.AspNetCore.Mvc (>= 2.2 < 2.3) - restriction: || (== net5.0) (&& (== netstandard2.0) (>= netcoreapp2.2)) (&& (== netstandard2.1) (>= netcoreapp2.2))
      Microsoft.AspNetCore.Mvc.Abstractions (>= 2.2 < 2.3) - restriction: || (== net5.0) (&& (== netstandard2.0) (>= netcoreapp2.2)) (&& (== netstandard2.1) (>= netcoreapp2.2))
      Microsoft.AspNetCore.Mvc.Analyzers (>= 2.2 < 2.3) - restriction: || (== net5.0) (&& (== netstandard2.0) (>= netcoreapp2.2)) (&& (== netstandard2.1) (>= netcoreapp2.2))
      Microsoft.AspNetCore.Mvc.ApiExplorer (>= 2.2 < 2.3) - restriction: || (== net5.0) (&& (== netstandard2.0) (>= netcoreapp2.2)) (&& (== netstandard2.1) (>= netcoreapp2.2))
      Microsoft.AspNetCore.Mvc.Core (>= 2.2.5 < 2.3) - restriction: || (== net5.0) (&& (== netstandard2.0) (>= netcoreapp2.2)) (&& (== netstandard2.1) (>= netcoreapp2.2))
      Microsoft.AspNetCore.Mvc.Cors (>= 2.2 < 2.3) - restriction: || (== net5.0) (&& (== netstandard2.0) (>= netcoreapp2.2)) (&& (== netstandard2.1) (>= netcoreapp2.2))
      Microsoft.AspNetCore.Mvc.DataAnnotations (>= 2.2 < 2.3) - restriction: || (== net5.0) (&& (== netstandard2.0) (>= netcoreapp2.2)) (&& (== netstandard2.1) (>= netcoreapp2.2))
      Microsoft.AspNetCore.Mvc.Formatters.Json (>= 2.2 < 2.3) - restriction: || (== net5.0) (&& (== netstandard2.0) (>= netcoreapp2.2)) (&& (== netstandard2.1) (>= netcoreapp2.2))
      Microsoft.AspNetCore.Mvc.Formatters.Xml (>= 2.2 < 2.3) - restriction: || (== net5.0) (&& (== netstandard2.0) (>= netcoreapp2.2)) (&& (== netstandard2.1) (>= netcoreapp2.2))
      Microsoft.AspNetCore.Mvc.Localization (>= 2.2 < 2.3) - restriction: || (== net5.0) (&& (== netstandard2.0) (>= netcoreapp2.2)) (&& (== netstandard2.1) (>= netcoreapp2.2))
      Microsoft.AspNetCore.Mvc.Razor (>= 2.2 < 2.3) - restriction: || (== net5.0) (&& (== netstandard2.0) (>= netcoreapp2.2)) (&& (== netstandard2.1) (>= netcoreapp2.2))
      Microsoft.AspNetCore.Mvc.Razor.Extensions (>= 2.2 < 2.3) - restriction: || (== net5.0) (&& (== netstandard2.0) (>= netcoreapp2.2)) (&& (== netstandard2.1) (>= netcoreapp2.2))
      Microsoft.AspNetCore.Mvc.Razor.ViewCompilation (>= 2.2 < 2.3) - restriction: || (== net5.0) (&& (== netstandard2.0) (>= netcoreapp2.2)) (&& (== netstandard2.1) (>= netcoreapp2.2))
      Microsoft.AspNetCore.Mvc.RazorPages (>= 2.2.5 < 2.3) - restriction: || (== net5.0) (&& (== netstandard2.0) (>= netcoreapp2.2)) (&& (== netstandard2.1) (>= netcoreapp2.2))
      Microsoft.AspNetCore.Mvc.TagHelpers (>= 2.2 < 2.3) - restriction: || (== net5.0) (&& (== netstandard2.0) (>= netcoreapp2.2)) (&& (== netstandard2.1) (>= netcoreapp2.2))
      Microsoft.AspNetCore.Mvc.ViewFeatures (>= 2.2 < 2.3) - restriction: || (== net5.0) (&& (== netstandard2.0) (>= netcoreapp2.2)) (&& (== netstandard2.1) (>= netcoreapp2.2))
      Microsoft.AspNetCore.NodeServices (>= 2.2 < 2.3) - restriction: || (== net5.0) (&& (== netstandard2.0) (>= netcoreapp2.2)) (&& (== netstandard2.1) (>= netcoreapp2.2))
      Microsoft.AspNetCore.Owin (>= 2.2 < 2.3) - restriction: || (== net5.0) (&& (== netstandard2.0) (>= netcoreapp2.2)) (&& (== netstandard2.1) (>= netcoreapp2.2))
      Microsoft.AspNetCore.Razor (>= 2.2 < 2.3) - restriction: || (== net5.0) (&& (== netstandard2.0) (>= netcoreapp2.2)) (&& (== netstandard2.1) (>= netcoreapp2.2))
      Microsoft.AspNetCore.Razor.Design (>= 2.2 < 2.3) - restriction: || (== net5.0) (&& (== netstandard2.0) (>= netcoreapp2.2)) (&& (== netstandard2.1) (>= netcoreapp2.2))
      Microsoft.AspNetCore.Razor.Language (>= 2.2 < 2.3) - restriction: || (== net5.0) (&& (== netstandard2.0) (>= netcoreapp2.2)) (&& (== netstandard2.1) (>= netcoreapp2.2))
      Microsoft.AspNetCore.Razor.Runtime (>= 2.2 < 2.3) - restriction: || (== net5.0) (&& (== netstandard2.0) (>= netcoreapp2.2)) (&& (== netstandard2.1) (>= netcoreapp2.2))
      Microsoft.AspNetCore.ResponseCaching (>= 2.2 < 2.3) - restriction: || (== net5.0) (&& (== netstandard2.0) (>= netcoreapp2.2)) (&& (== netstandard2.1) (>= netcoreapp2.2))
      Microsoft.AspNetCore.ResponseCaching.Abstractions (>= 2.2 < 2.3) - restriction: || (== net5.0) (&& (== netstandard2.0) (>= netcoreapp2.2)) (&& (== netstandard2.1) (>= netcoreapp2.2))
      Microsoft.AspNetCore.ResponseCompression (>= 2.2 < 2.3) - restriction: || (== net5.0) (&& (== netstandard2.0) (>= netcoreapp2.2)) (&& (== netstandard2.1) (>= netcoreapp2.2))
      Microsoft.AspNetCore.Rewrite (>= 2.2 < 2.3) - restriction: || (== net5.0) (&& (== netstandard2.0) (>= netcoreapp2.2)) (&& (== netstandard2.1) (>= netcoreapp2.2))
      Microsoft.AspNetCore.Routing (>= 2.2.2 < 2.3) - restriction: || (== net5.0) (&& (== netstandard2.0) (>= netcoreapp2.2)) (&& (== netstandard2.1) (>= netcoreapp2.2))
      Microsoft.AspNetCore.Routing.Abstractions (>= 2.2 < 2.3) - restriction: || (== net5.0) (&& (== netstandard2.0) (>= netcoreapp2.2)) (&& (== netstandard2.1) (>= netcoreapp2.2))
      Microsoft.AspNetCore.Server.HttpSys (>= 2.2.6 < 2.3) - restriction: || (== net5.0) (&& (== netstandard2.0) (>= netcoreapp2.2)) (&& (== netstandard2.1) (>= netcoreapp2.2))
      Microsoft.AspNetCore.Server.IIS (>= 2.2.6 < 2.3) - restriction: || (== net5.0) (&& (== netstandard2.0) (>= netcoreapp2.2)) (&& (== netstandard2.1) (>= netcoreapp2.2))
      Microsoft.AspNetCore.Server.IISIntegration (>= 2.2.1 < 2.3) - restriction: || (== net5.0) (&& (== netstandard2.0) (>= netcoreapp2.2)) (&& (== netstandard2.1) (>= netcoreapp2.2))
      Microsoft.AspNetCore.Server.Kestrel (>= 2.2 < 2.3) - restriction: || (== net5.0) (&& (== netstandard2.0) (>= netcoreapp2.2)) (&& (== netstandard2.1) (>= netcoreapp2.2))
      Microsoft.AspNetCore.Server.Kestrel.Core (>= 2.2 < 2.3) - restriction: || (== net5.0) (&& (== netstandard2.0) (>= netcoreapp2.2)) (&& (== netstandard2.1) (>= netcoreapp2.2))
      Microsoft.AspNetCore.Server.Kestrel.Https (>= 2.2 < 2.3) - restriction: || (== net5.0) (&& (== netstandard2.0) (>= netcoreapp2.2)) (&& (== netstandard2.1) (>= netcoreapp2.2))
      Microsoft.AspNetCore.Server.Kestrel.Transport.Abstractions (>= 2.2 < 2.3) - restriction: || (== net5.0) (&& (== netstandard2.0) (>= netcoreapp2.2)) (&& (== netstandard2.1) (>= netcoreapp2.2))
      Microsoft.AspNetCore.Server.Kestrel.Transport.Sockets (>= 2.2.1 < 2.3) - restriction: || (== net5.0) (&& (== netstandard2.0) (>= netcoreapp2.2)) (&& (== netstandard2.1) (>= netcoreapp2.2))
      Microsoft.AspNetCore.Session (>= 2.2 < 2.3) - restriction: || (== net5.0) (&& (== netstandard2.0) (>= netcoreapp2.2)) (&& (== netstandard2.1) (>= netcoreapp2.2))
      Microsoft.AspNetCore.SignalR (>= 1.1 < 1.2) - restriction: || (== net5.0) (&& (== netstandard2.0) (>= netcoreapp2.2)) (&& (== netstandard2.1) (>= netcoreapp2.2))
      Microsoft.AspNetCore.SignalR.Common (>= 1.1 < 1.2) - restriction: || (== net5.0) (&& (== netstandard2.0) (>= netcoreapp2.2)) (&& (== netstandard2.1) (>= netcoreapp2.2))
      Microsoft.AspNetCore.SignalR.Core (>= 1.1 < 1.2) - restriction: || (== net5.0) (&& (== netstandard2.0) (>= netcoreapp2.2)) (&& (== netstandard2.1) (>= netcoreapp2.2))
      Microsoft.AspNetCore.SignalR.Protocols.Json (>= 1.1 < 1.2) - restriction: || (== net5.0) (&& (== netstandard2.0) (>= netcoreapp2.2)) (&& (== netstandard2.1) (>= netcoreapp2.2))
      Microsoft.AspNetCore.SpaServices (>= 2.2.7 < 2.3) - restriction: || (== net5.0) (&& (== netstandard2.0) (>= netcoreapp2.2)) (&& (== netstandard2.1) (>= netcoreapp2.2))
      Microsoft.AspNetCore.SpaServices.Extensions (>= 2.2 < 2.3) - restriction: || (== net5.0) (&& (== netstandard2.0) (>= netcoreapp2.2)) (&& (== netstandard2.1) (>= netcoreapp2.2))
      Microsoft.AspNetCore.StaticFiles (>= 2.2 < 2.3) - restriction: || (== net5.0) (&& (== netstandard2.0) (>= netcoreapp2.2)) (&& (== netstandard2.1) (>= netcoreapp2.2))
      Microsoft.AspNetCore.WebSockets (>= 2.2.1 < 2.3) - restriction: || (== net5.0) (&& (== netstandard2.0) (>= netcoreapp2.2)) (&& (== netstandard2.1) (>= netcoreapp2.2))
      Microsoft.AspNetCore.WebUtilities (>= 2.2 < 2.3) - restriction: || (== net5.0) (&& (== netstandard2.0) (>= netcoreapp2.2)) (&& (== netstandard2.1) (>= netcoreapp2.2))
      Microsoft.CodeAnalysis.Razor (>= 2.2 < 2.3) - restriction: || (== net5.0) (&& (== netstandard2.0) (>= netcoreapp2.2)) (&& (== netstandard2.1) (>= netcoreapp2.2))
      Microsoft.EntityFrameworkCore (>= 2.2.6 < 2.3) - restriction: || (== net5.0) (&& (== netstandard2.0) (>= netcoreapp2.2)) (&& (== netstandard2.1) (>= netcoreapp2.2))
      Microsoft.EntityFrameworkCore.Abstractions (>= 2.2.6 < 2.3) - restriction: || (== net5.0) (&& (== netstandard2.0) (>= netcoreapp2.2)) (&& (== netstandard2.1) (>= netcoreapp2.2))
      Microsoft.EntityFrameworkCore.Analyzers (>= 2.2.6 < 2.3) - restriction: || (== net5.0) (&& (== netstandard2.0) (>= netcoreapp2.2)) (&& (== netstandard2.1) (>= netcoreapp2.2))
      Microsoft.EntityFrameworkCore.Design (>= 2.2.6 < 2.3) - restriction: || (== net5.0) (&& (== netstandard2.0) (>= netcoreapp2.2)) (&& (== netstandard2.1) (>= netcoreapp2.2))
      Microsoft.EntityFrameworkCore.InMemory (>= 2.2.6 < 2.3) - restriction: || (== net5.0) (&& (== netstandard2.0) (>= netcoreapp2.2)) (&& (== netstandard2.1) (>= netcoreapp2.2))
      Microsoft.EntityFrameworkCore.Relational (>= 2.2.6 < 2.3) - restriction: || (== net5.0) (&& (== netstandard2.0) (>= netcoreapp2.2)) (&& (== netstandard2.1) (>= netcoreapp2.2))
      Microsoft.EntityFrameworkCore.SqlServer (>= 2.2.6 < 2.3) - restriction: || (== net5.0) (&& (== netstandard2.0) (>= netcoreapp2.2)) (&& (== netstandard2.1) (>= netcoreapp2.2))
      Microsoft.EntityFrameworkCore.Tools (>= 2.2.6 < 2.3) - restriction: || (== net5.0) (&& (== netstandard2.0) (>= netcoreapp2.2)) (&& (== netstandard2.1) (>= netcoreapp2.2))
      Microsoft.Extensions.Caching.Abstractions (>= 2.2 < 2.3) - restriction: || (== net5.0) (&& (== netstandard2.0) (>= netcoreapp2.2)) (&& (== netstandard2.1) (>= netcoreapp2.2))
      Microsoft.Extensions.Caching.Memory (>= 2.2 < 2.3) - restriction: || (== net5.0) (&& (== netstandard2.0) (>= netcoreapp2.2)) (&& (== netstandard2.1) (>= netcoreapp2.2))
      Microsoft.Extensions.Caching.SqlServer (>= 2.2 < 2.3) - restriction: || (== net5.0) (&& (== netstandard2.0) (>= netcoreapp2.2)) (&& (== netstandard2.1) (>= netcoreapp2.2))
      Microsoft.Extensions.Configuration (>= 2.2 < 2.3) - restriction: || (== net5.0) (&& (== netstandard2.0) (>= netcoreapp2.2)) (&& (== netstandard2.1) (>= netcoreapp2.2))
      Microsoft.Extensions.Configuration.Abstractions (>= 2.2 < 2.3) - restriction: || (== net5.0) (&& (== netstandard2.0) (>= netcoreapp2.2)) (&& (== netstandard2.1) (>= netcoreapp2.2))
      Microsoft.Extensions.Configuration.Binder (>= 2.2.4 < 2.3) - restriction: || (== net5.0) (&& (== netstandard2.0) (>= netcoreapp2.2)) (&& (== netstandard2.1) (>= netcoreapp2.2))
      Microsoft.Extensions.Configuration.CommandLine (>= 2.2 < 2.3) - restriction: || (== net5.0) (&& (== netstandard2.0) (>= netcoreapp2.2)) (&& (== netstandard2.1) (>= netcoreapp2.2))
      Microsoft.Extensions.Configuration.EnvironmentVariables (>= 2.2.4 < 2.3) - restriction: || (== net5.0) (&& (== netstandard2.0) (>= netcoreapp2.2)) (&& (== netstandard2.1) (>= netcoreapp2.2))
      Microsoft.Extensions.Configuration.FileExtensions (>= 2.2 < 2.3) - restriction: || (== net5.0) (&& (== netstandard2.0) (>= netcoreapp2.2)) (&& (== netstandard2.1) (>= netcoreapp2.2))
      Microsoft.Extensions.Configuration.Ini (>= 2.2 < 2.3) - restriction: || (== net5.0) (&& (== netstandard2.0) (>= netcoreapp2.2)) (&& (== netstandard2.1) (>= netcoreapp2.2))
      Microsoft.Extensions.Configuration.Json (>= 2.2 < 2.3) - restriction: || (== net5.0) (&& (== netstandard2.0) (>= netcoreapp2.2)) (&& (== netstandard2.1) (>= netcoreapp2.2))
      Microsoft.Extensions.Configuration.KeyPerFile (>= 2.2.4 < 2.3) - restriction: || (== net5.0) (&& (== netstandard2.0) (>= netcoreapp2.2)) (&& (== netstandard2.1) (>= netcoreapp2.2))
      Microsoft.Extensions.Configuration.UserSecrets (>= 2.2 < 2.3) - restriction: || (== net5.0) (&& (== netstandard2.0) (>= netcoreapp2.2)) (&& (== netstandard2.1) (>= netcoreapp2.2))
      Microsoft.Extensions.Configuration.Xml (>= 2.2 < 2.3) - restriction: || (== net5.0) (&& (== netstandard2.0) (>= netcoreapp2.2)) (&& (== netstandard2.1) (>= netcoreapp2.2))
      Microsoft.Extensions.DependencyInjection (>= 2.2 < 2.3) - restriction: || (== net5.0) (&& (== netstandard2.0) (>= netcoreapp2.2)) (&& (== netstandard2.1) (>= netcoreapp2.2))
      Microsoft.Extensions.DependencyInjection.Abstractions (>= 2.2 < 2.3) - restriction: || (== net5.0) (&& (== netstandard2.0) (>= netcoreapp2.2)) (&& (== netstandard2.1) (>= netcoreapp2.2))
      Microsoft.Extensions.DiagnosticAdapter (>= 2.2 < 2.3) - restriction: || (== net5.0) (&& (== netstandard2.0) (>= netcoreapp2.2)) (&& (== netstandard2.1) (>= netcoreapp2.2))
      Microsoft.Extensions.Diagnostics.HealthChecks (>= 2.2.5 < 2.3) - restriction: || (== net5.0) (&& (== netstandard2.0) (>= netcoreapp2.2)) (&& (== netstandard2.1) (>= netcoreapp2.2))
      Microsoft.Extensions.Diagnostics.HealthChecks.Abstractions (>= 2.2 < 2.3) - restriction: || (== net5.0) (&& (== netstandard2.0) (>= netcoreapp2.2)) (&& (== netstandard2.1) (>= netcoreapp2.2))
      Microsoft.Extensions.FileProviders.Abstractions (>= 2.2 < 2.3) - restriction: || (== net5.0) (&& (== netstandard2.0) (>= netcoreapp2.2)) (&& (== netstandard2.1) (>= netcoreapp2.2))
      Microsoft.Extensions.FileProviders.Composite (>= 2.2 < 2.3) - restriction: || (== net5.0) (&& (== netstandard2.0) (>= netcoreapp2.2)) (&& (== netstandard2.1) (>= netcoreapp2.2))
      Microsoft.Extensions.FileProviders.Embedded (>= 2.2 < 2.3) - restriction: || (== net5.0) (&& (== netstandard2.0) (>= netcoreapp2.2)) (&& (== netstandard2.1) (>= netcoreapp2.2))
      Microsoft.Extensions.FileProviders.Physical (>= 2.2 < 2.3) - restriction: || (== net5.0) (&& (== netstandard2.0) (>= netcoreapp2.2)) (&& (== netstandard2.1) (>= netcoreapp2.2))
      Microsoft.Extensions.FileSystemGlobbing (>= 2.2 < 2.3) - restriction: || (== net5.0) (&& (== netstandard2.0) (>= netcoreapp2.2)) (&& (== netstandard2.1) (>= netcoreapp2.2))
      Microsoft.Extensions.Hosting (>= 2.2 < 2.3) - restriction: || (== net5.0) (&& (== netstandard2.0) (>= netcoreapp2.2)) (&& (== netstandard2.1) (>= netcoreapp2.2))
      Microsoft.Extensions.Hosting.Abstractions (>= 2.2 < 2.3) - restriction: || (== net5.0) (&& (== netstandard2.0) (>= netcoreapp2.2)) (&& (== netstandard2.1) (>= netcoreapp2.2))
      Microsoft.Extensions.Http (>= 2.2 < 2.3) - restriction: || (== net5.0) (&& (== netstandard2.0) (>= netcoreapp2.2)) (&& (== netstandard2.1) (>= netcoreapp2.2))
      Microsoft.Extensions.Identity.Core (>= 2.2 < 2.3) - restriction: || (== net5.0) (&& (== netstandard2.0) (>= netcoreapp2.2)) (&& (== netstandard2.1) (>= netcoreapp2.2))
      Microsoft.Extensions.Identity.Stores (>= 2.2 < 2.3) - restriction: || (== net5.0) (&& (== netstandard2.0) (>= netcoreapp2.2)) (&& (== netstandard2.1) (>= netcoreapp2.2))
      Microsoft.Extensions.Localization (>= 2.2 < 2.3) - restriction: || (== net5.0) (&& (== netstandard2.0) (>= netcoreapp2.2)) (&& (== netstandard2.1) (>= netcoreapp2.2))
      Microsoft.Extensions.Localization.Abstractions (>= 2.2 < 2.3) - restriction: || (== net5.0) (&& (== netstandard2.0) (>= netcoreapp2.2)) (&& (== netstandard2.1) (>= netcoreapp2.2))
      Microsoft.Extensions.Logging (>= 2.2 < 2.3) - restriction: || (== net5.0) (&& (== netstandard2.0) (>= netcoreapp2.2)) (&& (== netstandard2.1) (>= netcoreapp2.2))
      Microsoft.Extensions.Logging.Abstractions (>= 2.2 < 2.3) - restriction: || (== net5.0) (&& (== netstandard2.0) (>= netcoreapp2.2)) (&& (== netstandard2.1) (>= netcoreapp2.2))
      Microsoft.Extensions.Logging.Configuration (>= 2.2 < 2.3) - restriction: || (== net5.0) (&& (== netstandard2.0) (>= netcoreapp2.2)) (&& (== netstandard2.1) (>= netcoreapp2.2))
      Microsoft.Extensions.Logging.Console (>= 2.2 < 2.3) - restriction: || (== net5.0) (&& (== netstandard2.0) (>= netcoreapp2.2)) (&& (== netstandard2.1) (>= netcoreapp2.2))
      Microsoft.Extensions.Logging.Debug (>= 2.2 < 2.3) - restriction: || (== net5.0) (&& (== netstandard2.0) (>= netcoreapp2.2)) (&& (== netstandard2.1) (>= netcoreapp2.2))
      Microsoft.Extensions.Logging.EventSource (>= 2.2 < 2.3) - restriction: || (== net5.0) (&& (== netstandard2.0) (>= netcoreapp2.2)) (&& (== netstandard2.1) (>= netcoreapp2.2))
      Microsoft.Extensions.Logging.TraceSource (>= 2.2 < 2.3) - restriction: || (== net5.0) (&& (== netstandard2.0) (>= netcoreapp2.2)) (&& (== netstandard2.1) (>= netcoreapp2.2))
      Microsoft.Extensions.ObjectPool (>= 2.2 < 2.3) - restriction: || (== net5.0) (&& (== netstandard2.0) (>= netcoreapp2.2)) (&& (== netstandard2.1) (>= netcoreapp2.2))
      Microsoft.Extensions.Options (>= 2.2 < 2.3) - restriction: || (== net5.0) (&& (== netstandard2.0) (>= netcoreapp2.2)) (&& (== netstandard2.1) (>= netcoreapp2.2))
      Microsoft.Extensions.Options.ConfigurationExtensions (>= 2.2 < 2.3) - restriction: || (== net5.0) (&& (== netstandard2.0) (>= netcoreapp2.2)) (&& (== netstandard2.1) (>= netcoreapp2.2))
      Microsoft.Extensions.Options.DataAnnotations (>= 2.2 < 2.3) - restriction: || (== net5.0) (&& (== netstandard2.0) (>= netcoreapp2.2)) (&& (== netstandard2.1) (>= netcoreapp2.2))
      Microsoft.Extensions.Primitives (>= 2.2 < 2.3) - restriction: || (== net5.0) (&& (== netstandard2.0) (>= netcoreapp2.2)) (&& (== netstandard2.1) (>= netcoreapp2.2))
      Microsoft.Extensions.WebEncoders (>= 2.2 < 2.3) - restriction: || (== net5.0) (&& (== netstandard2.0) (>= netcoreapp2.2)) (&& (== netstandard2.1) (>= netcoreapp2.2))
      Microsoft.Net.Http.Headers (>= 2.2.8 < 2.3) - restriction: || (== net5.0) (&& (== netstandard2.0) (>= netcoreapp2.2)) (&& (== netstandard2.1) (>= netcoreapp2.2))
      System.IO.Pipelines (>= 4.5.3) - restriction: || (== net5.0) (&& (== netstandard2.0) (>= netcoreapp2.2)) (&& (== netstandard2.1) (>= netcoreapp2.2))
    Microsoft.AspNetCore.Authentication (2.2) - restriction: || (== net5.0) (&& (== netstandard2.0) (>= netcoreapp2.2)) (&& (== netstandard2.1) (>= netcoreapp2.2))
      Microsoft.AspNetCore.Authentication.Core (>= 2.2)
      Microsoft.AspNetCore.DataProtection (>= 2.2)
      Microsoft.AspNetCore.Http (>= 2.2)
      Microsoft.AspNetCore.Http.Extensions (>= 2.2)
      Microsoft.Extensions.Logging.Abstractions (>= 2.2)
      Microsoft.Extensions.Options (>= 2.2)
      Microsoft.Extensions.WebEncoders (>= 2.2)
    Microsoft.AspNetCore.Authentication.Abstractions (2.2) - restriction: || (== net5.0) (&& (== netstandard2.0) (>= netcoreapp2.2)) (&& (== netstandard2.1) (>= netcoreapp2.2))
      Microsoft.AspNetCore.Http.Abstractions (>= 2.2)
      Microsoft.Extensions.Logging.Abstractions (>= 2.2)
      Microsoft.Extensions.Options (>= 2.2)
    Microsoft.AspNetCore.Authentication.Cookies (2.2) - restriction: || (== net5.0) (&& (== netstandard2.0) (>= netcoreapp2.2)) (&& (== netstandard2.1) (>= netcoreapp2.2))
      Microsoft.AspNetCore.Authentication (>= 2.2)
    Microsoft.AspNetCore.Authentication.Core (2.2) - restriction: || (== net5.0) (&& (== netstandard2.0) (>= netcoreapp2.2)) (&& (== netstandard2.1) (>= netcoreapp2.2))
      Microsoft.AspNetCore.Authentication.Abstractions (>= 2.2)
      Microsoft.AspNetCore.Http (>= 2.2)
      Microsoft.AspNetCore.Http.Extensions (>= 2.2)
    Microsoft.AspNetCore.Authentication.Facebook (2.2) - restriction: || (== net5.0) (&& (== netstandard2.0) (>= netcoreapp2.2)) (&& (== netstandard2.1) (>= netcoreapp2.2))
      Microsoft.AspNetCore.Authentication.OAuth (>= 2.2)
    Microsoft.AspNetCore.Authentication.Google (2.2.2) - restriction: || (== net5.0) (&& (== netstandard2.0) (>= netcoreapp2.2)) (&& (== netstandard2.1) (>= netcoreapp2.2))
      Microsoft.AspNetCore.Authentication.OAuth (>= 2.2)
    Microsoft.AspNetCore.Authentication.JwtBearer (2.2) - restriction: || (== net5.0) (&& (== netstandard2.0) (>= netcoreapp2.2)) (&& (== netstandard2.1) (>= netcoreapp2.2))
      Microsoft.AspNetCore.Authentication (>= 2.2)
      Microsoft.IdentityModel.Protocols.OpenIdConnect (>= 5.3)
    Microsoft.AspNetCore.Authentication.MicrosoftAccount (2.2) - restriction: || (== net5.0) (&& (== netstandard2.0) (>= netcoreapp2.2)) (&& (== netstandard2.1) (>= netcoreapp2.2))
      Microsoft.AspNetCore.Authentication.OAuth (>= 2.2)
    Microsoft.AspNetCore.Authentication.OAuth (2.2) - restriction: || (== net5.0) (&& (== netstandard2.0) (>= netcoreapp2.2)) (&& (== netstandard2.1) (>= netcoreapp2.2))
      Microsoft.AspNetCore.Authentication (>= 2.2)
      Newtonsoft.Json (>= 11.0.2)
    Microsoft.AspNetCore.Authentication.OpenIdConnect (2.2) - restriction: || (== net5.0) (&& (== netstandard2.0) (>= netcoreapp2.2)) (&& (== netstandard2.1) (>= netcoreapp2.2))
      Microsoft.AspNetCore.Authentication.OAuth (>= 2.2)
      Microsoft.IdentityModel.Protocols.OpenIdConnect (>= 5.3)
    Microsoft.AspNetCore.Authentication.Twitter (2.2) - restriction: || (== net5.0) (&& (== netstandard2.0) (>= netcoreapp2.2)) (&& (== netstandard2.1) (>= netcoreapp2.2))
      Microsoft.AspNetCore.Authentication.OAuth (>= 2.2)
    Microsoft.AspNetCore.Authentication.WsFederation (2.2) - restriction: || (== net5.0) (&& (== netstandard2.0) (>= netcoreapp2.2)) (&& (== netstandard2.1) (>= netcoreapp2.2))
      Microsoft.AspNetCore.Authentication (>= 2.2)
      Microsoft.IdentityModel.Protocols.WsFederation (>= 5.3)
      System.IdentityModel.Tokens.Jwt (>= 5.3)
    Microsoft.AspNetCore.Authorization (2.2) - restriction: || (== net5.0) (&& (== netstandard2.0) (>= netcoreapp2.2)) (&& (== netstandard2.1) (>= netcoreapp2.2))
      Microsoft.Extensions.Logging.Abstractions (>= 2.2)
      Microsoft.Extensions.Options (>= 2.2)
    Microsoft.AspNetCore.Authorization.Policy (2.2) - restriction: || (== net5.0) (&& (== netstandard2.0) (>= netcoreapp2.2)) (&& (== netstandard2.1) (>= netcoreapp2.2))
      Microsoft.AspNetCore.Authentication.Abstractions (>= 2.2)
      Microsoft.AspNetCore.Authorization (>= 2.2)
    Microsoft.AspNetCore.Connections.Abstractions (2.2) - restriction: || (== net5.0) (&& (== netstandard2.0) (>= netcoreapp2.2)) (&& (== netstandard2.1) (>= netcoreapp2.2))
      Microsoft.AspNetCore.Http.Features (>= 2.2)
      System.IO.Pipelines (>= 4.5.2)
    Microsoft.AspNetCore.CookiePolicy (2.2.8) - restriction: || (== net5.0) (&& (== netstandard2.0) (>= netcoreapp2.2)) (&& (== netstandard2.1) (>= netcoreapp2.2))
      Microsoft.AspNetCore.Http (>= 2.2)
      Microsoft.Extensions.Logging.Abstractions (>= 2.2)
      Microsoft.Extensions.Options (>= 2.2)
    Microsoft.AspNetCore.Cors (2.2) - restriction: || (== net5.0) (&& (== netstandard2.0) (>= netcoreapp2.2)) (&& (== netstandard2.1) (>= netcoreapp2.2))
      Microsoft.AspNetCore.Http.Extensions (>= 2.2)
      Microsoft.Extensions.Configuration.Abstractions (>= 2.2)
      Microsoft.Extensions.DependencyInjection.Abstractions (>= 2.2)
      Microsoft.Extensions.Logging.Abstractions (>= 2.2)
      Microsoft.Extensions.Options (>= 2.2)
    Microsoft.AspNetCore.Cryptography.Internal (2.2) - restriction: || (== net5.0) (&& (== netstandard2.0) (>= netcoreapp2.2)) (&& (== netstandard2.1) (>= netcoreapp2.2))
    Microsoft.AspNetCore.Cryptography.KeyDerivation (2.2) - restriction: || (== net5.0) (&& (== netstandard2.0) (>= netcoreapp2.2)) (&& (== netstandard2.1) (>= netcoreapp2.2))
      Microsoft.AspNetCore.Cryptography.Internal (>= 2.2)
    Microsoft.AspNetCore.DataProtection (2.2) - restriction: || (== net5.0) (&& (== netstandard2.0) (>= netcoreapp2.2)) (&& (== netstandard2.1) (>= netcoreapp2.2))
      Microsoft.AspNetCore.Cryptography.Internal (>= 2.2)
      Microsoft.AspNetCore.DataProtection.Abstractions (>= 2.2)
      Microsoft.AspNetCore.Hosting.Abstractions (>= 2.2)
      Microsoft.Extensions.DependencyInjection.Abstractions (>= 2.2)
      Microsoft.Extensions.Logging.Abstractions (>= 2.2)
      Microsoft.Extensions.Options (>= 2.2)
      Microsoft.Win32.Registry (>= 4.5)
      System.Security.Cryptography.Xml (>= 4.5)
      System.Security.Principal.Windows (>= 4.5)
    Microsoft.AspNetCore.DataProtection.Abstractions (2.2) - restriction: || (== net5.0) (&& (== netstandard2.0) (>= netcoreapp2.2)) (&& (== netstandard2.1) (>= netcoreapp2.2))
    Microsoft.AspNetCore.DataProtection.Extensions (2.2) - restriction: || (== net5.0) (&& (== netstandard2.0) (>= netcoreapp2.2)) (&& (== netstandard2.1) (>= netcoreapp2.2))
      Microsoft.AspNetCore.DataProtection (>= 2.2)
      Microsoft.Extensions.DependencyInjection (>= 2.2)
    Microsoft.AspNetCore.Diagnostics (2.2) - restriction: || (== net5.0) (&& (== netstandard2.0) (>= netcoreapp2.2)) (&& (== netstandard2.1) (>= netcoreapp2.2))
      Microsoft.AspNetCore.Diagnostics.Abstractions (>= 2.2)
      Microsoft.AspNetCore.Hosting.Abstractions (>= 2.2)
      Microsoft.AspNetCore.Http.Extensions (>= 2.2)
      Microsoft.AspNetCore.WebUtilities (>= 2.2)
      Microsoft.Extensions.FileProviders.Physical (>= 2.2)
      Microsoft.Extensions.Logging.Abstractions (>= 2.2)
      Microsoft.Extensions.Options (>= 2.2)
      System.Diagnostics.DiagnosticSource (>= 4.5)
      System.Reflection.Metadata (>= 1.6)
    Microsoft.AspNetCore.Diagnostics.Abstractions (2.2) - restriction: || (== net5.0) (&& (== netstandard2.0) (>= netcoreapp2.2)) (&& (== netstandard2.1) (>= netcoreapp2.2))
    Microsoft.AspNetCore.Diagnostics.EntityFrameworkCore (2.2.1) - restriction: || (== net5.0) (&& (== netstandard2.0) (>= netcoreapp2.2)) (&& (== netstandard2.1) (>= netcoreapp2.2))
      Microsoft.AspNetCore.Http.Abstractions (>= 2.2)
      Microsoft.EntityFrameworkCore.Relational (>= 2.2)
    Microsoft.AspNetCore.Diagnostics.HealthChecks (2.2) - restriction: || (== net5.0) (&& (== netstandard2.0) (>= netcoreapp2.2)) (&& (== netstandard2.1) (>= netcoreapp2.2))
      Microsoft.AspNetCore.Http.Abstractions (>= 2.2)
      Microsoft.Extensions.Diagnostics.HealthChecks (>= 2.2)
      Microsoft.Extensions.Options (>= 2.2)
      Microsoft.Net.Http.Headers (>= 2.2)
    Microsoft.AspNetCore.HostFiltering (2.2) - restriction: || (== net5.0) (&& (== netstandard2.0) (>= netcoreapp2.2)) (&& (== netstandard2.1) (>= netcoreapp2.2))
      Microsoft.AspNetCore.Hosting.Abstractions (>= 2.2)
      Microsoft.AspNetCore.Http (>= 2.2)
      Microsoft.AspNetCore.Http.Extensions (>= 2.2)
      Microsoft.Extensions.Options (>= 2.2)
    Microsoft.AspNetCore.Hosting (2.2.7) - restriction: || (== net5.0) (&& (== netstandard2.0) (>= netcoreapp2.2)) (&& (== netstandard2.1) (>= netcoreapp2.2))
      Microsoft.AspNetCore.Hosting.Abstractions (>= 2.2)
      Microsoft.AspNetCore.Http (>= 2.2)
      Microsoft.AspNetCore.Http.Extensions (>= 2.2)
      Microsoft.Extensions.Configuration (>= 2.2)
      Microsoft.Extensions.Configuration.EnvironmentVariables (>= 2.2.4)
      Microsoft.Extensions.Configuration.FileExtensions (>= 2.2)
      Microsoft.Extensions.DependencyInjection (>= 2.2)
      Microsoft.Extensions.FileProviders.Physical (>= 2.2)
      Microsoft.Extensions.Hosting.Abstractions (>= 2.2)
      Microsoft.Extensions.Logging (>= 2.2)
      Microsoft.Extensions.Options (>= 2.2)
      System.Diagnostics.DiagnosticSource (>= 4.5.1)
      System.Reflection.Metadata (>= 1.6)
    Microsoft.AspNetCore.Hosting.Abstractions (2.2) - restriction: || (== net5.0) (&& (== netstandard2.0) (>= netcoreapp2.2)) (&& (== netstandard2.1) (>= netcoreapp2.2))
      Microsoft.AspNetCore.Hosting.Server.Abstractions (>= 2.2)
      Microsoft.AspNetCore.Http.Abstractions (>= 2.2)
      Microsoft.Extensions.Hosting.Abstractions (>= 2.2)
    Microsoft.AspNetCore.Hosting.Server.Abstractions (2.2) - restriction: || (== net5.0) (&& (== netstandard2.0) (>= netcoreapp2.2)) (&& (== netstandard2.1) (>= netcoreapp2.2))
      Microsoft.AspNetCore.Http.Features (>= 2.2)
      Microsoft.Extensions.Configuration.Abstractions (>= 2.2)
    Microsoft.AspNetCore.Html.Abstractions (2.2) - restriction: || (== net5.0) (&& (== netstandard2.0) (>= netcoreapp2.2)) (&& (== netstandard2.1) (>= netcoreapp2.2))
      System.Text.Encodings.Web (>= 4.5)
    Microsoft.AspNetCore.Http (2.2.2) - restriction: || (== net5.0) (&& (== netstandard2.0) (>= netcoreapp2.2)) (&& (== netstandard2.1) (>= netcoreapp2.2))
      Microsoft.AspNetCore.Http.Abstractions (>= 2.2)
      Microsoft.AspNetCore.WebUtilities (>= 2.2)
      Microsoft.Extensions.ObjectPool (>= 2.2)
      Microsoft.Extensions.Options (>= 2.2)
      Microsoft.Net.Http.Headers (>= 2.2)
    Microsoft.AspNetCore.Http.Abstractions (2.2) - restriction: || (== net5.0) (&& (== netstandard2.0) (>= netcoreapp2.2)) (&& (== netstandard2.1) (>= netcoreapp2.2))
      Microsoft.AspNetCore.Http.Features (>= 2.2)
      System.Text.Encodings.Web (>= 4.5)
    Microsoft.AspNetCore.Http.Connections (1.1) - restriction: || (== net5.0) (&& (== netstandard2.0) (>= netcoreapp2.2)) (&& (== netstandard2.1) (>= netcoreapp2.2))
      Microsoft.AspNetCore.Authorization.Policy (>= 2.2)
      Microsoft.AspNetCore.Hosting.Abstractions (>= 2.2)
      Microsoft.AspNetCore.Http (>= 2.2)
      Microsoft.AspNetCore.Http.Connections.Common (>= 1.1)
      Microsoft.AspNetCore.Routing (>= 2.2)
      Microsoft.AspNetCore.WebSockets (>= 2.2)
      Newtonsoft.Json (>= 11.0.2)
      System.Security.Principal.Windows (>= 4.5)
    Microsoft.AspNetCore.Http.Connections.Common (1.1) - restriction: || (== net5.0) (&& (== netstandard2.0) (>= netcoreapp2.2)) (&& (== netstandard2.1) (>= netcoreapp2.2))
      Microsoft.AspNetCore.Connections.Abstractions (>= 2.2)
      Newtonsoft.Json (>= 11.0.2)
      System.Buffers (>= 4.5)
    Microsoft.AspNetCore.Http.Extensions (2.2) - restriction: || (== net5.0) (&& (== netstandard2.0) (>= netcoreapp2.2)) (&& (== netstandard2.1) (>= netcoreapp2.2))
      Microsoft.AspNetCore.Http.Abstractions (>= 2.2)
      Microsoft.Extensions.FileProviders.Abstractions (>= 2.2)
      Microsoft.Net.Http.Headers (>= 2.2)
      System.Buffers (>= 4.5)
    Microsoft.AspNetCore.Http.Features (2.2) - restriction: || (== net5.0) (&& (== netstandard2.0) (>= netcoreapp2.2)) (&& (== netstandard2.1) (>= netcoreapp2.2))
      Microsoft.Extensions.Primitives (>= 2.2)
    Microsoft.AspNetCore.HttpOverrides (2.2) - restriction: || (== net5.0) (&& (== netstandard2.0) (>= netcoreapp2.2)) (&& (== netstandard2.1) (>= netcoreapp2.2))
      Microsoft.AspNetCore.Http.Extensions (>= 2.2)
      Microsoft.Extensions.Logging.Abstractions (>= 2.2)
      Microsoft.Extensions.Options (>= 2.2)
    Microsoft.AspNetCore.HttpsPolicy (2.2) - restriction: || (== net5.0) (&& (== netstandard2.0) (>= netcoreapp2.2)) (&& (== netstandard2.1) (>= netcoreapp2.2))
      Microsoft.AspNetCore.Hosting.Abstractions (>= 2.2)
      Microsoft.AspNetCore.Http (>= 2.2)
      Microsoft.AspNetCore.Http.Extensions (>= 2.2)
      Microsoft.Extensions.Configuration.Binder (>= 2.2)
      Microsoft.Extensions.Options (>= 2.2)
    Microsoft.AspNetCore.Identity (2.2) - restriction: || (== net5.0) (&& (== netstandard2.0) (>= netcoreapp2.2)) (&& (== netstandard2.1) (>= netcoreapp2.2))
      Microsoft.AspNetCore.Authentication.Cookies (>= 2.2)
      Microsoft.AspNetCore.Cryptography.KeyDerivation (>= 2.2)
      Microsoft.AspNetCore.Hosting.Abstractions (>= 2.2)
      Microsoft.Extensions.Identity.Core (>= 2.2)
    Microsoft.AspNetCore.Identity.EntityFrameworkCore (2.2) - restriction: || (== net5.0) (&& (== netstandard2.0) (>= netcoreapp2.2)) (&& (== netstandard2.1) (>= netcoreapp2.2))
      Microsoft.AspNetCore.Identity (>= 2.2)
      Microsoft.EntityFrameworkCore.Relational (>= 2.2)
      Microsoft.Extensions.Identity.Stores (>= 2.2)
    Microsoft.AspNetCore.Identity.UI (2.2.5) - restriction: || (== net5.0) (&& (== netstandard2.0) (>= netcoreapp2.2)) (&& (== netstandard2.1) (>= netcoreapp2.2))
      Microsoft.AspNetCore.Identity (>= 2.2)
      Microsoft.AspNetCore.Mvc (>= 2.2)
      Microsoft.AspNetCore.StaticFiles (>= 2.2)
      Microsoft.Extensions.FileProviders.Embedded (>= 2.2)
      Microsoft.Extensions.Identity.Stores (>= 2.2)
    Microsoft.AspNetCore.JsonPatch (2.2) - restriction: || (== net5.0) (&& (== netstandard2.0) (>= netcoreapp2.2)) (&& (== netstandard2.1) (>= netcoreapp2.2))
      Microsoft.CSharp (>= 4.5)
      Newtonsoft.Json (>= 11.0.2)
    Microsoft.AspNetCore.Localization (2.2) - restriction: || (== net5.0) (&& (== netstandard2.0) (>= netcoreapp2.2)) (&& (== netstandard2.1) (>= netcoreapp2.2))
      Microsoft.AspNetCore.Http.Extensions (>= 2.2)
      Microsoft.Extensions.Localization.Abstractions (>= 2.2)
      Microsoft.Extensions.Logging.Abstractions (>= 2.2)
      Microsoft.Extensions.Options (>= 2.2)
    Microsoft.AspNetCore.Localization.Routing (2.2) - restriction: || (== net5.0) (&& (== netstandard2.0) (>= netcoreapp2.2)) (&& (== netstandard2.1) (>= netcoreapp2.2))
      Microsoft.AspNetCore.Localization (>= 2.2)
      Microsoft.AspNetCore.Routing.Abstractions (>= 2.2)
    Microsoft.AspNetCore.MiddlewareAnalysis (2.2) - restriction: || (== net5.0) (&& (== netstandard2.0) (>= netcoreapp2.2)) (&& (== netstandard2.1) (>= netcoreapp2.2))
      Microsoft.AspNetCore.Hosting.Abstractions (>= 2.2)
      Microsoft.Extensions.DependencyInjection.Abstractions (>= 2.2)
      System.Diagnostics.DiagnosticSource (>= 4.5)
    Microsoft.AspNetCore.Mvc (2.2) - restriction: || (== net5.0) (&& (== netstandard2.0) (>= netcoreapp2.2)) (&& (== netstandard2.1) (>= netcoreapp2.2))
      Microsoft.AspNetCore.Mvc.Analyzers (>= 2.2)
      Microsoft.AspNetCore.Mvc.ApiExplorer (>= 2.2)
      Microsoft.AspNetCore.Mvc.Cors (>= 2.2)
      Microsoft.AspNetCore.Mvc.DataAnnotations (>= 2.2)
      Microsoft.AspNetCore.Mvc.Formatters.Json (>= 2.2)
      Microsoft.AspNetCore.Mvc.Localization (>= 2.2)
      Microsoft.AspNetCore.Mvc.Razor.Extensions (>= 2.2)
      Microsoft.AspNetCore.Mvc.RazorPages (>= 2.2)
      Microsoft.AspNetCore.Mvc.TagHelpers (>= 2.2)
      Microsoft.AspNetCore.Mvc.ViewFeatures (>= 2.2)
      Microsoft.AspNetCore.Razor.Design (>= 2.2)
      Microsoft.Extensions.Caching.Memory (>= 2.2)
      Microsoft.Extensions.DependencyInjection (>= 2.2)
    Microsoft.AspNetCore.Mvc.Abstractions (2.2) - restriction: || (== net5.0) (&& (== netstandard2.0) (>= netcoreapp2.2)) (&& (== netstandard2.1) (>= netcoreapp2.2))
      Microsoft.AspNetCore.Routing.Abstractions (>= 2.2)
      Microsoft.Net.Http.Headers (>= 2.2)
    Microsoft.AspNetCore.Mvc.Analyzers (2.2) - restriction: || (== net5.0) (&& (== netstandard2.0) (>= netcoreapp2.2)) (&& (== netstandard2.1) (>= netcoreapp2.2))
    Microsoft.AspNetCore.Mvc.ApiExplorer (2.2) - restriction: || (== net5.0) (&& (== netstandard2.0) (>= netcoreapp2.2)) (&& (== netstandard2.1) (>= netcoreapp2.2))
      Microsoft.AspNetCore.Mvc.Core (>= 2.2)
    Microsoft.AspNetCore.Mvc.Core (2.2.5) - restriction: || (== net5.0) (&& (== netstandard2.0) (>= netcoreapp2.2)) (&& (== netstandard2.1) (>= netcoreapp2.2))
      Microsoft.AspNetCore.Authentication.Core (>= 2.2)
      Microsoft.AspNetCore.Authorization.Policy (>= 2.2)
      Microsoft.AspNetCore.Hosting.Abstractions (>= 2.2)
      Microsoft.AspNetCore.Http (>= 2.2)
      Microsoft.AspNetCore.Http.Extensions (>= 2.2)
      Microsoft.AspNetCore.Mvc.Abstractions (>= 2.2)
      Microsoft.AspNetCore.ResponseCaching.Abstractions (>= 2.2)
      Microsoft.AspNetCore.Routing (>= 2.2)
      Microsoft.AspNetCore.Routing.Abstractions (>= 2.2)
      Microsoft.Extensions.DependencyInjection (>= 2.2)
      Microsoft.Extensions.DependencyModel (>= 2.1)
      Microsoft.Extensions.FileProviders.Abstractions (>= 2.2)
      Microsoft.Extensions.Logging.Abstractions (>= 2.2)
      System.Diagnostics.DiagnosticSource (>= 4.5)
      System.Threading.Tasks.Extensions (>= 4.5.1)
    Microsoft.AspNetCore.Mvc.Cors (2.2) - restriction: || (== net5.0) (&& (== netstandard2.0) (>= netcoreapp2.2)) (&& (== netstandard2.1) (>= netcoreapp2.2))
      Microsoft.AspNetCore.Cors (>= 2.2)
      Microsoft.AspNetCore.Mvc.Core (>= 2.2)
    Microsoft.AspNetCore.Mvc.DataAnnotations (2.2) - restriction: || (== net5.0) (&& (== netstandard2.0) (>= netcoreapp2.2)) (&& (== netstandard2.1) (>= netcoreapp2.2))
      Microsoft.AspNetCore.Mvc.Core (>= 2.2)
      Microsoft.Extensions.Localization (>= 2.2)
      System.ComponentModel.Annotations (>= 4.5)
    Microsoft.AspNetCore.Mvc.Formatters.Json (2.2) - restriction: || (== net5.0) (&& (== netstandard2.0) (>= netcoreapp2.2)) (&& (== netstandard2.1) (>= netcoreapp2.2))
      Microsoft.AspNetCore.JsonPatch (>= 2.2)
      Microsoft.AspNetCore.Mvc.Core (>= 2.2)
    Microsoft.AspNetCore.Mvc.Formatters.Xml (2.2) - restriction: || (== net5.0) (&& (== netstandard2.0) (>= netcoreapp2.2)) (&& (== netstandard2.1) (>= netcoreapp2.2))
      Microsoft.AspNetCore.Mvc.Core (>= 2.2)
    Microsoft.AspNetCore.Mvc.Localization (2.2) - restriction: || (== net5.0) (&& (== netstandard2.0) (>= netcoreapp2.2)) (&& (== netstandard2.1) (>= netcoreapp2.2))
      Microsoft.AspNetCore.Localization (>= 2.2)
      Microsoft.AspNetCore.Mvc.Razor (>= 2.2)
      Microsoft.Extensions.DependencyInjection (>= 2.2)
      Microsoft.Extensions.Localization (>= 2.2)
    Microsoft.AspNetCore.Mvc.Razor (2.2) - restriction: || (== net5.0) (&& (== netstandard2.0) (>= netcoreapp2.2)) (&& (== netstandard2.1) (>= netcoreapp2.2))
      Microsoft.AspNetCore.Mvc.Razor.Extensions (>= 2.2)
      Microsoft.AspNetCore.Mvc.ViewFeatures (>= 2.2)
      Microsoft.AspNetCore.Razor.Runtime (>= 2.2)
      Microsoft.CodeAnalysis.CSharp (>= 2.8)
      Microsoft.CodeAnalysis.Razor (>= 2.2)
      Microsoft.Extensions.Caching.Memory (>= 2.2)
      Microsoft.Extensions.FileProviders.Composite (>= 2.2)
    Microsoft.AspNetCore.Mvc.Razor.Extensions (2.2) - restriction: || (== net5.0) (&& (== netstandard2.0) (>= netcoreapp2.2)) (&& (== netstandard2.1) (>= netcoreapp2.2))
      Microsoft.AspNetCore.Razor.Language (>= 2.2)
      Microsoft.CodeAnalysis.Razor (>= 2.2)
    Microsoft.AspNetCore.Mvc.Razor.ViewCompilation (2.2) - restriction: || (== net5.0) (&& (== netstandard2.0) (>= netcoreapp2.2)) (&& (== netstandard2.1) (>= netcoreapp2.2))
      Microsoft.AspNetCore.Hosting (>= 2.2) - restriction: || (== net5.0) (&& (== netstandard2.0) (>= net461)) (&& (== netstandard2.0) (>= netcoreapp2.0)) (&& (== netstandard2.1) (>= net461)) (&& (== netstandard2.1) (>= netcoreapp2.0))
      Microsoft.AspNetCore.Mvc.RazorPages (>= 2.2) - restriction: || (== net5.0) (&& (== netstandard2.0) (>= net461)) (&& (== netstandard2.0) (>= netcoreapp2.0)) (&& (== netstandard2.1) (>= net461)) (&& (== netstandard2.1) (>= netcoreapp2.0))
    Microsoft.AspNetCore.Mvc.RazorPages (2.2.5) - restriction: || (== net5.0) (&& (== netstandard2.0) (>= netcoreapp2.2)) (&& (== netstandard2.1) (>= netcoreapp2.2))
      Microsoft.AspNetCore.Mvc.Razor (>= 2.2)
    Microsoft.AspNetCore.Mvc.TagHelpers (2.2) - restriction: || (== net5.0) (&& (== netstandard2.0) (>= netcoreapp2.2)) (&& (== netstandard2.1) (>= netcoreapp2.2))
      Microsoft.AspNetCore.Mvc.Razor (>= 2.2)
      Microsoft.AspNetCore.Razor.Runtime (>= 2.2)
      Microsoft.AspNetCore.Routing.Abstractions (>= 2.2)
      Microsoft.Extensions.Caching.Memory (>= 2.2)
      Microsoft.Extensions.FileSystemGlobbing (>= 2.2)
      Microsoft.Extensions.Primitives (>= 2.2)
    Microsoft.AspNetCore.Mvc.ViewFeatures (2.2) - restriction: || (== net5.0) (&& (== netstandard2.0) (>= netcoreapp2.2)) (&& (== netstandard2.1) (>= netcoreapp2.2))
      Microsoft.AspNetCore.Antiforgery (>= 2.2)
      Microsoft.AspNetCore.Diagnostics.Abstractions (>= 2.2)
      Microsoft.AspNetCore.Html.Abstractions (>= 2.2)
      Microsoft.AspNetCore.Mvc.Core (>= 2.2)
      Microsoft.AspNetCore.Mvc.DataAnnotations (>= 2.2)
      Microsoft.AspNetCore.Mvc.Formatters.Json (>= 2.2)
      Microsoft.Extensions.WebEncoders (>= 2.2)
      Newtonsoft.Json.Bson (>= 1.0.1)
    Microsoft.AspNetCore.NodeServices (2.2) - restriction: || (== net5.0) (&& (== netstandard2.0) (>= netcoreapp2.2)) (&& (== netstandard2.1) (>= netcoreapp2.2))
      Microsoft.AspNetCore.Hosting.Abstractions (>= 2.2)
      Microsoft.Extensions.Logging.Console (>= 2.2)
      Newtonsoft.Json (>= 11.0.2)
    Microsoft.AspNetCore.Owin (2.2) - restriction: || (== net5.0) (&& (== netstandard2.0) (>= netcoreapp2.2)) (&& (== netstandard2.1) (>= netcoreapp2.2))
      Microsoft.AspNetCore.Http (>= 2.2)
    Microsoft.AspNetCore.Razor (2.2) - restriction: || (== net5.0) (&& (== netstandard2.0) (>= netcoreapp2.2)) (&& (== netstandard2.1) (>= netcoreapp2.2))
      Microsoft.AspNetCore.Html.Abstractions (>= 2.2)
    Microsoft.AspNetCore.Razor.Design (2.2) - restriction: || (== net5.0) (&& (== netstandard2.0) (>= netcoreapp2.2)) (&& (== netstandard2.1) (>= netcoreapp2.2))
    Microsoft.AspNetCore.Razor.Language (2.2) - restriction: || (== net5.0) (&& (== netstandard2.0) (>= netcoreapp2.2)) (&& (== netstandard2.1) (>= netcoreapp2.2))
    Microsoft.AspNetCore.Razor.Runtime (2.2) - restriction: || (== net5.0) (&& (== netstandard2.0) (>= netcoreapp2.2)) (&& (== netstandard2.1) (>= netcoreapp2.2))
      Microsoft.AspNetCore.Html.Abstractions (>= 2.2)
      Microsoft.AspNetCore.Razor (>= 2.2)
    Microsoft.AspNetCore.ResponseCaching (2.2) - restriction: || (== net5.0) (&& (== netstandard2.0) (>= netcoreapp2.2)) (&& (== netstandard2.1) (>= netcoreapp2.2))
      Microsoft.AspNetCore.Http (>= 2.2)
      Microsoft.AspNetCore.Http.Extensions (>= 2.2)
      Microsoft.AspNetCore.ResponseCaching.Abstractions (>= 2.2)
      Microsoft.Extensions.Caching.Memory (>= 2.2)
      Microsoft.Extensions.Logging.Abstractions (>= 2.2)
    Microsoft.AspNetCore.ResponseCaching.Abstractions (2.2) - restriction: || (== net5.0) (&& (== netstandard2.0) (>= netcoreapp2.2)) (&& (== netstandard2.1) (>= netcoreapp2.2))
      Microsoft.Extensions.Primitives (>= 2.2)
    Microsoft.AspNetCore.ResponseCompression (2.2) - restriction: || (== net5.0) (&& (== netstandard2.0) (>= netcoreapp2.2)) (&& (== netstandard2.1) (>= netcoreapp2.2))
      Microsoft.AspNetCore.Http.Extensions (>= 2.2)
      Microsoft.Extensions.Logging.Abstractions (>= 2.2)
      Microsoft.Extensions.Options (>= 2.2)
    Microsoft.AspNetCore.Rewrite (2.2) - restriction: || (== net5.0) (&& (== netstandard2.0) (>= netcoreapp2.2)) (&& (== netstandard2.1) (>= netcoreapp2.2))
      Microsoft.AspNetCore.Hosting.Abstractions (>= 2.2)
      Microsoft.AspNetCore.Http.Extensions (>= 2.2)
      Microsoft.Extensions.Configuration.Abstractions (>= 2.2)
      Microsoft.Extensions.FileProviders.Abstractions (>= 2.2)
      Microsoft.Extensions.Logging.Abstractions (>= 2.2)
      Microsoft.Extensions.Options (>= 2.2)
    Microsoft.AspNetCore.Routing (2.2.2) - restriction: || (== net5.0) (&& (== netstandard2.0) (>= netcoreapp2.2)) (&& (== netstandard2.1) (>= netcoreapp2.2))
      Microsoft.AspNetCore.Http.Extensions (>= 2.2)
      Microsoft.AspNetCore.Routing.Abstractions (>= 2.2)
      Microsoft.Extensions.Logging.Abstractions (>= 2.2)
      Microsoft.Extensions.ObjectPool (>= 2.2)
      Microsoft.Extensions.Options (>= 2.2)
    Microsoft.AspNetCore.Routing.Abstractions (2.2) - restriction: || (== net5.0) (&& (== netstandard2.0) (>= netcoreapp2.2)) (&& (== netstandard2.1) (>= netcoreapp2.2))
      Microsoft.AspNetCore.Http.Abstractions (>= 2.2)
    Microsoft.AspNetCore.Server.HttpSys (2.2.6) - restriction: || (== net5.0) (&& (== netstandard2.0) (>= netcoreapp2.2)) (&& (== netstandard2.1) (>= netcoreapp2.2))
      Microsoft.AspNetCore.Authentication.Core (>= 2.2)
      Microsoft.AspNetCore.Hosting (>= 2.2)
      Microsoft.Net.Http.Headers (>= 2.2)
      Microsoft.Win32.Registry (>= 4.5)
      System.Security.Principal.Windows (>= 4.5)
    Microsoft.AspNetCore.Server.IIS (2.2.6) - restriction: || (== net5.0) (&& (== netstandard2.0) (>= netcoreapp2.2)) (&& (== netstandard2.1) (>= netcoreapp2.2))
      Microsoft.AspNetCore.Authentication.Core (>= 2.2)
      Microsoft.AspNetCore.Connections.Abstractions (>= 2.2)
      Microsoft.AspNetCore.Hosting.Abstractions (>= 2.2)
      System.IO.Pipelines (>= 4.5.3)
      System.Security.Principal.Windows (>= 4.5)
    Microsoft.AspNetCore.Server.IISIntegration (2.2.1) - restriction: || (== net5.0) (&& (== netstandard2.0) (>= netcoreapp2.2)) (&& (== netstandard2.1) (>= netcoreapp2.2))
      Microsoft.AspNetCore.Authentication.Core (>= 2.2)
      Microsoft.AspNetCore.Hosting.Abstractions (>= 2.2)
      Microsoft.AspNetCore.Http (>= 2.2)
      Microsoft.AspNetCore.Http.Extensions (>= 2.2)
      Microsoft.AspNetCore.HttpOverrides (>= 2.2)
      Microsoft.Extensions.Logging.Abstractions (>= 2.2)
      Microsoft.Extensions.Options (>= 2.2)
      System.Buffers (>= 4.5)
      System.IO.Pipelines (>= 4.5.2)
      System.Memory (>= 4.5.1)
      System.Numerics.Vectors (>= 4.5)
      System.Runtime.CompilerServices.Unsafe (>= 4.5.1)
      System.Security.Principal.Windows (>= 4.5)
    Microsoft.AspNetCore.Server.Kestrel (2.2) - restriction: || (== net5.0) (&& (== netstandard2.0) (>= netcoreapp2.2)) (&& (== netstandard2.1) (>= netcoreapp2.2))
      Microsoft.AspNetCore.Hosting (>= 2.2)
      Microsoft.AspNetCore.Server.Kestrel.Core (>= 2.2)
      Microsoft.AspNetCore.Server.Kestrel.Https (>= 2.2)
      Microsoft.AspNetCore.Server.Kestrel.Transport.Sockets (>= 2.2)
    Microsoft.AspNetCore.Server.Kestrel.Core (2.2) - restriction: || (== net5.0) (&& (== netstandard2.0) (>= netcoreapp2.2)) (&& (== netstandard2.1) (>= netcoreapp2.2))
      Microsoft.AspNetCore.Hosting.Abstractions (>= 2.2)
      Microsoft.AspNetCore.Http (>= 2.2)
      Microsoft.AspNetCore.Server.Kestrel.Transport.Abstractions (>= 2.2)
      Microsoft.AspNetCore.WebUtilities (>= 2.2)
      Microsoft.Extensions.Configuration.Binder (>= 2.2)
      Microsoft.Extensions.Logging.Abstractions (>= 2.2)
      Microsoft.Extensions.Options (>= 2.2)
      Microsoft.Net.Http.Headers (>= 2.2)
      System.Memory (>= 4.5.1)
      System.Numerics.Vectors (>= 4.5)
      System.Runtime.CompilerServices.Unsafe (>= 4.5.1)
      System.Security.Cryptography.Cng (>= 4.5)
      System.Threading.Tasks.Extensions (>= 4.5.1)
    Microsoft.AspNetCore.Server.Kestrel.Https (2.2) - restriction: || (== net5.0) (&& (== netstandard2.0) (>= netcoreapp2.2)) (&& (== netstandard2.1) (>= netcoreapp2.2))
      Microsoft.AspNetCore.Http.Abstractions (>= 2.2)
      Microsoft.AspNetCore.Server.Kestrel.Core (>= 2.2)
    Microsoft.AspNetCore.Server.Kestrel.Transport.Abstractions (2.2) - restriction: || (== net5.0) (&& (== netstandard2.0) (>= netcoreapp2.2)) (&& (== netstandard2.1) (>= netcoreapp2.2))
      Microsoft.AspNetCore.Connections.Abstractions (>= 2.2)
    Microsoft.AspNetCore.Server.Kestrel.Transport.Sockets (2.2.1) - restriction: || (== net5.0) (&& (== netstandard2.0) (>= netcoreapp2.2)) (&& (== netstandard2.1) (>= netcoreapp2.2))
      Microsoft.AspNetCore.Hosting.Abstractions (>= 2.2)
      Microsoft.AspNetCore.Server.Kestrel.Transport.Abstractions (>= 2.2)
      Microsoft.Extensions.Options (>= 2.2)
    Microsoft.AspNetCore.Session (2.2) - restriction: || (== net5.0) (&& (== netstandard2.0) (>= netcoreapp2.2)) (&& (== netstandard2.1) (>= netcoreapp2.2))
      Microsoft.AspNetCore.DataProtection (>= 2.2)
      Microsoft.AspNetCore.Http.Abstractions (>= 2.2)
      Microsoft.Extensions.Caching.Abstractions (>= 2.2)
      Microsoft.Extensions.Logging.Abstractions (>= 2.2)
      Microsoft.Extensions.Options (>= 2.2)
    Microsoft.AspNetCore.SignalR (1.1) - restriction: || (== net5.0) (&& (== netstandard2.0) (>= netcoreapp2.2)) (&& (== netstandard2.1) (>= netcoreapp2.2))
      Microsoft.AspNetCore.Http.Connections (>= 1.1)
      Microsoft.AspNetCore.SignalR.Core (>= 1.1)
    Microsoft.AspNetCore.SignalR.Common (1.1) - restriction: || (== net5.0) (&& (== netstandard2.0) (>= netcoreapp2.2)) (&& (== netstandard2.1) (>= netcoreapp2.2))
      Microsoft.AspNetCore.Connections.Abstractions (>= 2.2)
      Microsoft.Extensions.Options (>= 2.2)
      Newtonsoft.Json (>= 11.0.2)
      System.Buffers (>= 4.5)
    Microsoft.AspNetCore.SignalR.Core (1.1) - restriction: || (== net5.0) (&& (== netstandard2.0) (>= netcoreapp2.2)) (&& (== netstandard2.1) (>= netcoreapp2.2))
      Microsoft.AspNetCore.Authorization (>= 2.2)
      Microsoft.AspNetCore.SignalR.Common (>= 1.1)
      Microsoft.AspNetCore.SignalR.Protocols.Json (>= 1.1)
      Microsoft.Extensions.DependencyInjection.Abstractions (>= 2.2)
      Microsoft.Extensions.Logging.Abstractions (>= 2.2)
      System.Reflection.Emit (>= 4.3)
      System.Threading.Channels (>= 4.5)
    Microsoft.AspNetCore.SignalR.Protocols.Json (1.1) - restriction: || (== net5.0) (&& (== netstandard2.0) (>= netcoreapp2.2)) (&& (== netstandard2.1) (>= netcoreapp2.2))
      Microsoft.AspNetCore.SignalR.Common (>= 1.1)
      Newtonsoft.Json (>= 11.0.2)
    Microsoft.AspNetCore.SpaServices (2.2.7) - restriction: || (== net5.0) (&& (== netstandard2.0) (>= netcoreapp2.2)) (&& (== netstandard2.1) (>= netcoreapp2.2))
      Microsoft.AspNetCore.Mvc.TagHelpers (>= 2.2)
      Microsoft.AspNetCore.Mvc.ViewFeatures (>= 2.2)
      Microsoft.AspNetCore.NodeServices (>= 2.2)
    Microsoft.AspNetCore.SpaServices.Extensions (2.2) - restriction: || (== net5.0) (&& (== netstandard2.0) (>= netcoreapp2.2)) (&& (== netstandard2.1) (>= netcoreapp2.2))
      Microsoft.AspNetCore.SpaServices (>= 2.2)
      Microsoft.AspNetCore.StaticFiles (>= 2.2)
      Microsoft.AspNetCore.WebSockets (>= 2.2)
      Microsoft.Extensions.FileProviders.Physical (>= 2.2)
    Microsoft.AspNetCore.StaticFiles (2.2) - restriction: || (== net5.0) (&& (== netstandard2.0) (>= netcoreapp2.2)) (&& (== netstandard2.1) (>= netcoreapp2.2))
      Microsoft.AspNetCore.Hosting.Abstractions (>= 2.2)
      Microsoft.AspNetCore.Http.Extensions (>= 2.2)
      Microsoft.Extensions.FileProviders.Abstractions (>= 2.2)
      Microsoft.Extensions.Logging.Abstractions (>= 2.2)
      Microsoft.Extensions.WebEncoders (>= 2.2)
    Microsoft.AspNetCore.TestHost (5.0.12)
      System.IO.Pipelines (>= 5.0.1) - restriction: || (== net5.0) (&& (== netstandard2.0) (>= net5.0)) (&& (== netstandard2.1) (>= net5.0))
    Microsoft.AspNetCore.WebSockets (2.2.1) - restriction: || (== net5.0) (&& (== netstandard2.0) (>= netcoreapp2.2)) (&& (== netstandard2.1) (>= netcoreapp2.2))
      Microsoft.AspNetCore.Http.Extensions (>= 2.2)
      Microsoft.Extensions.Logging.Abstractions (>= 2.2)
      Microsoft.Extensions.Options (>= 2.2)
      System.Net.WebSockets.WebSocketProtocol (>= 4.5.3)
    Microsoft.AspNetCore.WebUtilities (2.2) - restriction: || (== net5.0) (&& (== netstandard2.0) (>= netcoreapp2.2)) (&& (== netstandard2.1) (>= netcoreapp2.2))
      Microsoft.Net.Http.Headers (>= 2.2)
      System.Text.Encodings.Web (>= 4.5)
    Microsoft.CodeAnalysis.Analyzers (3.3.3) - restriction: || (== net5.0) (&& (== netstandard2.0) (>= netcoreapp2.2)) (&& (== netstandard2.1) (>= netcoreapp2.2))
    Microsoft.CodeAnalysis.Common (3.11) - restriction: || (== net5.0) (&& (== netstandard2.0) (>= netcoreapp2.2)) (&& (== netstandard2.1) (>= netcoreapp2.2))
      Microsoft.CodeAnalysis.Analyzers (>= 3.3.2)
      System.Collections.Immutable (>= 5.0)
      System.Memory (>= 4.5.4)
      System.Reflection.Metadata (>= 5.0)
      System.Runtime.CompilerServices.Unsafe (>= 5.0)
      System.Text.Encoding.CodePages (>= 4.5.1)
      System.Threading.Tasks.Extensions (>= 4.5.4)
    Microsoft.CodeAnalysis.CSharp (3.11) - restriction: || (== net5.0) (&& (== netstandard2.0) (>= netcoreapp2.2)) (&& (== netstandard2.1) (>= netcoreapp2.2))
      Microsoft.CodeAnalysis.Common (3.11)
    Microsoft.CodeAnalysis.Razor (2.2) - restriction: || (== net5.0) (&& (== netstandard2.0) (>= netcoreapp2.2)) (&& (== netstandard2.1) (>= netcoreapp2.2))
      Microsoft.AspNetCore.Razor.Language (>= 2.2)
      Microsoft.CodeAnalysis.Common (>= 2.8)
      Microsoft.CodeAnalysis.CSharp (>= 2.8)
    Microsoft.CodeCoverage (17.0) - restriction: || (== net5.0) (&& (== netstandard2.0) (>= net45)) (&& (== netstandard2.0) (>= netcoreapp1.0)) (&& (== netstandard2.1) (>= net45)) (&& (== netstandard2.1) (>= netcoreapp1.0))
    Microsoft.CSharp (4.7) - restriction: || (== net5.0) (&& (== netstandard2.0) (>= netcoreapp2.2)) (&& (== netstandard2.1) (>= netcoreapp2.2))
    Microsoft.EntityFrameworkCore (2.2.6) - restriction: || (== net5.0) (&& (== netstandard2.0) (>= netcoreapp2.2)) (&& (== netstandard2.1) (>= netcoreapp2.2))
      Microsoft.EntityFrameworkCore.Abstractions (>= 2.2.6)
      Microsoft.EntityFrameworkCore.Analyzers (>= 2.2.6)
      Microsoft.Extensions.Caching.Memory (>= 2.2)
      Microsoft.Extensions.DependencyInjection (>= 2.2)
      Microsoft.Extensions.Logging (>= 2.2)
      Remotion.Linq (>= 2.2)
      System.Collections.Immutable (>= 1.5)
      System.ComponentModel.Annotations (>= 4.5)
      System.Diagnostics.DiagnosticSource (>= 4.5)
      System.Interactive.Async (>= 3.2)
    Microsoft.EntityFrameworkCore.Abstractions (2.2.6) - restriction: || (== net5.0) (&& (== netstandard2.0) (>= netcoreapp2.2)) (&& (== netstandard2.1) (>= netcoreapp2.2))
    Microsoft.EntityFrameworkCore.Analyzers (2.2.6) - restriction: || (== net5.0) (&& (== netstandard2.0) (>= netcoreapp2.2)) (&& (== netstandard2.1) (>= netcoreapp2.2))
    Microsoft.EntityFrameworkCore.Design (2.2.6) - restriction: || (== net5.0) (&& (== netstandard2.0) (>= netcoreapp2.2)) (&& (== netstandard2.1) (>= netcoreapp2.2))
      Microsoft.CSharp (>= 4.5)
      Microsoft.EntityFrameworkCore.Relational (>= 2.2.6)
    Microsoft.EntityFrameworkCore.InMemory (2.2.6) - restriction: || (== net5.0) (&& (== netstandard2.0) (>= netcoreapp2.2)) (&& (== netstandard2.1) (>= netcoreapp2.2))
      Microsoft.EntityFrameworkCore (>= 2.2.6)
    Microsoft.EntityFrameworkCore.Relational (2.2.6) - restriction: || (== net5.0) (&& (== netstandard2.0) (>= netcoreapp2.2)) (&& (== netstandard2.1) (>= netcoreapp2.2))
      Microsoft.EntityFrameworkCore (>= 2.2.6)
    Microsoft.EntityFrameworkCore.SqlServer (2.2.6) - restriction: || (== net5.0) (&& (== netstandard2.0) (>= netcoreapp2.2)) (&& (== netstandard2.1) (>= netcoreapp2.2))
      Microsoft.EntityFrameworkCore.Relational (>= 2.2.6)
      System.Data.SqlClient (>= 4.6.1)
    Microsoft.EntityFrameworkCore.Tools (2.2.6) - restriction: || (== net5.0) (&& (== netstandard2.0) (>= netcoreapp2.2)) (&& (== netstandard2.1) (>= netcoreapp2.2))
      Microsoft.EntityFrameworkCore.Design (>= 2.2.6)
    Microsoft.Extensions.Caching.Abstractions (2.2) - restriction: || (== net5.0) (&& (== netstandard2.0) (>= netcoreapp2.2)) (&& (== netstandard2.1) (>= netcoreapp2.2))
      Microsoft.Extensions.Primitives (>= 2.2)
    Microsoft.Extensions.Caching.Memory (2.2) - restriction: || (== net5.0) (&& (== netstandard2.0) (>= netcoreapp2.2)) (&& (== netstandard2.1) (>= netcoreapp2.2))
      Microsoft.Extensions.Caching.Abstractions (>= 2.2)
      Microsoft.Extensions.DependencyInjection.Abstractions (>= 2.2)
      Microsoft.Extensions.Options (>= 2.2)
    Microsoft.Extensions.Caching.SqlServer (2.2) - restriction: || (== net5.0) (&& (== netstandard2.0) (>= netcoreapp2.2)) (&& (== netstandard2.1) (>= netcoreapp2.2))
      Microsoft.Extensions.Caching.Abstractions (>= 2.2)
      Microsoft.Extensions.Options (>= 2.2)
      System.Data.SqlClient (>= 4.6)
    Microsoft.Extensions.Configuration (2.2) - restriction: || (== net5.0) (&& (== netstandard2.0) (>= netcoreapp2.2)) (&& (== netstandard2.1) (>= netcoreapp2.2))
      Microsoft.Extensions.Configuration.Abstractions (>= 2.2)
    Microsoft.Extensions.Configuration.Abstractions (2.2) - restriction: || (== net5.0) (&& (== netstandard2.0) (>= netcoreapp2.2)) (&& (== netstandard2.1) (>= netcoreapp2.2))
      Microsoft.Extensions.Primitives (>= 2.2)
    Microsoft.Extensions.Configuration.Binder (2.2.4) - restriction: || (== net5.0) (&& (== netstandard2.0) (>= netcoreapp2.2)) (&& (== netstandard2.1) (>= netcoreapp2.2))
      Microsoft.Extensions.Configuration (>= 2.2)
    Microsoft.Extensions.Configuration.CommandLine (2.2) - restriction: || (== net5.0) (&& (== netstandard2.0) (>= netcoreapp2.2)) (&& (== netstandard2.1) (>= netcoreapp2.2))
      Microsoft.Extensions.Configuration (>= 2.2)
    Microsoft.Extensions.Configuration.EnvironmentVariables (2.2.4) - restriction: || (== net5.0) (&& (== netstandard2.0) (>= netcoreapp2.2)) (&& (== netstandard2.1) (>= netcoreapp2.2))
      Microsoft.Extensions.Configuration (>= 2.2)
    Microsoft.Extensions.Configuration.FileExtensions (2.2) - restriction: || (== net5.0) (&& (== netstandard2.0) (>= netcoreapp2.2)) (&& (== netstandard2.1) (>= netcoreapp2.2))
      Microsoft.Extensions.Configuration (>= 2.2)
      Microsoft.Extensions.FileProviders.Physical (>= 2.2)
    Microsoft.Extensions.Configuration.Ini (2.2) - restriction: || (== net5.0) (&& (== netstandard2.0) (>= netcoreapp2.2)) (&& (== netstandard2.1) (>= netcoreapp2.2))
      Microsoft.Extensions.Configuration (>= 2.2)
      Microsoft.Extensions.Configuration.FileExtensions (>= 2.2)
    Microsoft.Extensions.Configuration.Json (2.2) - restriction: || (== net5.0) (&& (== netstandard2.0) (>= netcoreapp2.2)) (&& (== netstandard2.1) (>= netcoreapp2.2))
      Microsoft.Extensions.Configuration (>= 2.2)
      Microsoft.Extensions.Configuration.FileExtensions (>= 2.2)
      Newtonsoft.Json (>= 11.0.2)
    Microsoft.Extensions.Configuration.KeyPerFile (2.2.4) - restriction: || (== net5.0) (&& (== netstandard2.0) (>= netcoreapp2.2)) (&& (== netstandard2.1) (>= netcoreapp2.2))
      Microsoft.Extensions.Configuration (>= 2.2)
      Microsoft.Extensions.FileProviders.Physical (>= 2.2)
    Microsoft.Extensions.Configuration.UserSecrets (2.2) - restriction: || (== net5.0) (&& (== netstandard2.0) (>= netcoreapp2.2)) (&& (== netstandard2.1) (>= netcoreapp2.2))
      Microsoft.Extensions.Configuration.Json (>= 2.2)
    Microsoft.Extensions.Configuration.Xml (2.2) - restriction: || (== net5.0) (&& (== netstandard2.0) (>= netcoreapp2.2)) (&& (== netstandard2.1) (>= netcoreapp2.2))
      Microsoft.Extensions.Configuration (>= 2.2)
      Microsoft.Extensions.Configuration.FileExtensions (>= 2.2)
      System.Security.Cryptography.Xml (>= 4.5)
    Microsoft.Extensions.DependencyInjection (2.2) - restriction: || (== net5.0) (&& (== netstandard2.0) (>= netcoreapp2.2)) (&& (== netstandard2.1) (>= netcoreapp2.2))
      Microsoft.Extensions.DependencyInjection.Abstractions (>= 2.2)
    Microsoft.Extensions.DependencyInjection.Abstractions (2.2) - restriction: || (== net5.0) (&& (== netstandard2.0) (>= netcoreapp2.2)) (&& (== netstandard2.1) (>= netcoreapp2.2))
    Microsoft.Extensions.DependencyModel (6.0) - restriction: || (== net5.0) (&& (== netstandard2.0) (>= netcoreapp2.2)) (&& (== netstandard2.1) (>= netcoreapp2.2))
      System.Buffers (>= 4.5.1)
      System.Memory (>= 4.5.4)
      System.Runtime.CompilerServices.Unsafe (>= 6.0)
      System.Text.Encodings.Web (>= 6.0)
      System.Text.Json (>= 6.0)
    Microsoft.Extensions.DiagnosticAdapter (2.2) - restriction: || (== net5.0) (&& (== netstandard2.0) (>= netcoreapp2.2)) (&& (== netstandard2.1) (>= netcoreapp2.2))
      System.Diagnostics.DiagnosticSource (>= 4.5)
    Microsoft.Extensions.Diagnostics.HealthChecks (2.2.5) - restriction: || (== net5.0) (&& (== netstandard2.0) (>= netcoreapp2.2)) (&& (== netstandard2.1) (>= netcoreapp2.2))
      Microsoft.Extensions.Diagnostics.HealthChecks.Abstractions (>= 2.2)
      Microsoft.Extensions.Hosting.Abstractions (>= 2.2)
      Microsoft.Extensions.Options (>= 2.2)
    Microsoft.Extensions.Diagnostics.HealthChecks.Abstractions (2.2) - restriction: || (== net5.0) (&& (== netstandard2.0) (>= netcoreapp2.2)) (&& (== netstandard2.1) (>= netcoreapp2.2))
    Microsoft.Extensions.FileProviders.Abstractions (2.2) - restriction: || (== net5.0) (&& (== netstandard2.0) (>= netcoreapp2.2)) (&& (== netstandard2.1) (>= netcoreapp2.2))
      Microsoft.Extensions.Primitives (>= 2.2)
    Microsoft.Extensions.FileProviders.Composite (2.2) - restriction: || (== net5.0) (&& (== netstandard2.0) (>= netcoreapp2.2)) (&& (== netstandard2.1) (>= netcoreapp2.2))
      Microsoft.Extensions.FileProviders.Abstractions (>= 2.2)
    Microsoft.Extensions.FileProviders.Embedded (2.2) - restriction: || (== net5.0) (&& (== netstandard2.0) (>= netcoreapp2.2)) (&& (== netstandard2.1) (>= netcoreapp2.2))
      Microsoft.Extensions.FileProviders.Abstractions (>= 2.2)
    Microsoft.Extensions.FileProviders.Physical (2.2) - restriction: || (== net5.0) (&& (== netstandard2.0) (>= netcoreapp2.2)) (&& (== netstandard2.1) (>= netcoreapp2.2))
      Microsoft.Extensions.FileProviders.Abstractions (>= 2.2)
      Microsoft.Extensions.FileSystemGlobbing (>= 2.2)
    Microsoft.Extensions.FileSystemGlobbing (2.2) - restriction: || (== net5.0) (&& (== netstandard2.0) (>= netcoreapp2.2)) (&& (== netstandard2.1) (>= netcoreapp2.2))
    Microsoft.Extensions.Hosting (2.2) - restriction: || (== net5.0) (&& (== netstandard2.0) (>= netcoreapp2.2)) (&& (== netstandard2.1) (>= netcoreapp2.2))
      Microsoft.Extensions.Configuration (>= 2.2)
      Microsoft.Extensions.DependencyInjection (>= 2.2)
      Microsoft.Extensions.FileProviders.Physical (>= 2.2)
      Microsoft.Extensions.Hosting.Abstractions (>= 2.2)
      Microsoft.Extensions.Logging (>= 2.2)
    Microsoft.Extensions.Hosting.Abstractions (2.2) - restriction: || (== net5.0) (&& (== netstandard2.0) (>= netcoreapp2.2)) (&& (== netstandard2.1) (>= netcoreapp2.2))
      Microsoft.Extensions.Configuration.Abstractions (>= 2.2)
      Microsoft.Extensions.DependencyInjection.Abstractions (>= 2.2)
      Microsoft.Extensions.FileProviders.Abstractions (>= 2.2)
      Microsoft.Extensions.Logging.Abstractions (>= 2.2)
    Microsoft.Extensions.Http (2.2) - restriction: || (== net5.0) (&& (== netstandard2.0) (>= netcoreapp2.2)) (&& (== netstandard2.1) (>= netcoreapp2.2))
      Microsoft.Extensions.DependencyInjection.Abstractions (>= 2.2)
      Microsoft.Extensions.Logging (>= 2.2)
      Microsoft.Extensions.Options (>= 2.2)
    Microsoft.Extensions.Identity.Core (2.2) - restriction: || (== net5.0) (&& (== netstandard2.0) (>= netcoreapp2.2)) (&& (== netstandard2.1) (>= netcoreapp2.2))
      Microsoft.AspNetCore.Cryptography.KeyDerivation (>= 2.2)
      Microsoft.Extensions.Logging (>= 2.2)
      Microsoft.Extensions.Options (>= 2.2)
      System.ComponentModel.Annotations (>= 4.5)
    Microsoft.Extensions.Identity.Stores (2.2) - restriction: || (== net5.0) (&& (== netstandard2.0) (>= netcoreapp2.2)) (&& (== netstandard2.1) (>= netcoreapp2.2))
      Microsoft.Extensions.Identity.Core (>= 2.2)
      Microsoft.Extensions.Logging (>= 2.2)
      System.ComponentModel.Annotations (>= 4.5)
    Microsoft.Extensions.Localization (2.2) - restriction: || (== net5.0) (&& (== netstandard2.0) (>= netcoreapp2.2)) (&& (== netstandard2.1) (>= netcoreapp2.2))
      Microsoft.Extensions.DependencyInjection.Abstractions (>= 2.2)
      Microsoft.Extensions.Localization.Abstractions (>= 2.2)
      Microsoft.Extensions.Logging.Abstractions (>= 2.2)
      Microsoft.Extensions.Options (>= 2.2)
    Microsoft.Extensions.Localization.Abstractions (2.2) - restriction: || (== net5.0) (&& (== netstandard2.0) (>= netcoreapp2.2)) (&& (== netstandard2.1) (>= netcoreapp2.2))
    Microsoft.Extensions.Logging (2.2) - restriction: || (== net5.0) (&& (== netstandard2.0) (>= netcoreapp2.2)) (&& (== netstandard2.1) (>= netcoreapp2.2))
      Microsoft.Extensions.Configuration.Binder (>= 2.2)
      Microsoft.Extensions.DependencyInjection.Abstractions (>= 2.2)
      Microsoft.Extensions.Logging.Abstractions (>= 2.2)
      Microsoft.Extensions.Options (>= 2.2)
    Microsoft.Extensions.Logging.Abstractions (2.2) - restriction: || (== net5.0) (&& (== netstandard2.0) (>= netcoreapp2.2)) (&& (== netstandard2.1) (>= netcoreapp2.2))
    Microsoft.Extensions.Logging.Configuration (2.2) - restriction: || (== net5.0) (&& (== netstandard2.0) (>= netcoreapp2.2)) (&& (== netstandard2.1) (>= netcoreapp2.2))
      Microsoft.Extensions.Logging (>= 2.2)
      Microsoft.Extensions.Options.ConfigurationExtensions (>= 2.2)
    Microsoft.Extensions.Logging.Console (2.2) - restriction: || (== net5.0) (&& (== netstandard2.0) (>= netcoreapp2.2)) (&& (== netstandard2.1) (>= netcoreapp2.2))
      Microsoft.Extensions.Configuration.Abstractions (>= 2.2)
      Microsoft.Extensions.Logging (>= 2.2)
      Microsoft.Extensions.Logging.Configuration (>= 2.2)
    Microsoft.Extensions.Logging.Debug (2.2) - restriction: || (== net5.0) (&& (== netstandard2.0) (>= netcoreapp2.2)) (&& (== netstandard2.1) (>= netcoreapp2.2))
      Microsoft.Extensions.Logging (>= 2.2)
    Microsoft.Extensions.Logging.EventSource (2.2) - restriction: || (== net5.0) (&& (== netstandard2.0) (>= netcoreapp2.2)) (&& (== netstandard2.1) (>= netcoreapp2.2))
      Microsoft.Extensions.Logging (>= 2.2)
      Newtonsoft.Json (>= 11.0.2)
    Microsoft.Extensions.Logging.TraceSource (2.2) - restriction: || (== net5.0) (&& (== netstandard2.0) (>= netcoreapp2.2)) (&& (== netstandard2.1) (>= netcoreapp2.2))
      Microsoft.Extensions.Logging (>= 2.2)
    Microsoft.Extensions.ObjectPool (2.2) - restriction: || (== net5.0) (&& (== netstandard2.0) (>= netcoreapp2.2)) (&& (== netstandard2.1) (>= netcoreapp2.2))
    Microsoft.Extensions.Options (2.2) - restriction: || (== net5.0) (&& (== netstandard2.0) (>= netcoreapp2.2)) (&& (== netstandard2.1) (>= netcoreapp2.2))
      Microsoft.Extensions.DependencyInjection.Abstractions (>= 2.2)
      Microsoft.Extensions.Primitives (>= 2.2)
      System.ComponentModel.Annotations (>= 4.5)
    Microsoft.Extensions.Options.ConfigurationExtensions (2.2) - restriction: || (== net5.0) (&& (== netstandard2.0) (>= netcoreapp2.2)) (&& (== netstandard2.1) (>= netcoreapp2.2))
      Microsoft.Extensions.Configuration.Abstractions (>= 2.2)
      Microsoft.Extensions.Configuration.Binder (>= 2.2)
      Microsoft.Extensions.DependencyInjection.Abstractions (>= 2.2)
      Microsoft.Extensions.Options (>= 2.2)
    Microsoft.Extensions.Options.DataAnnotations (2.2) - restriction: || (== net5.0) (&& (== netstandard2.0) (>= netcoreapp2.2)) (&& (== netstandard2.1) (>= netcoreapp2.2))
      Microsoft.Extensions.DependencyInjection.Abstractions (>= 2.2)
      Microsoft.Extensions.Options (>= 2.2)
      System.ComponentModel.Annotations (>= 4.5)
    Microsoft.Extensions.Primitives (2.2) - restriction: || (== net5.0) (&& (== netstandard2.0) (>= netcoreapp2.2)) (&& (== netstandard2.1) (>= netcoreapp2.2))
      System.Memory (>= 4.5.1)
      System.Runtime.CompilerServices.Unsafe (>= 4.5.1)
    Microsoft.Extensions.WebEncoders (2.2) - restriction: || (== net5.0) (&& (== netstandard2.0) (>= netcoreapp2.2)) (&& (== netstandard2.1) (>= netcoreapp2.2))
      Microsoft.Extensions.DependencyInjection.Abstractions (>= 2.2)
      Microsoft.Extensions.Options (>= 2.2)
      System.Text.Encodings.Web (>= 4.5)
    Microsoft.IdentityModel.JsonWebTokens (6.14.1) - restriction: || (== net5.0) (&& (== netstandard2.0) (>= netcoreapp2.2)) (&& (== netstandard2.1) (>= netcoreapp2.2))
      Microsoft.IdentityModel.Tokens (>= 6.14.1)
    Microsoft.IdentityModel.Logging (6.14.1) - restriction: || (== net5.0) (&& (== netstandard2.0) (>= netcoreapp2.2)) (&& (== netstandard2.1) (>= netcoreapp2.2))
    Microsoft.IdentityModel.Protocols (6.14.1) - restriction: || (== net5.0) (&& (== netstandard2.0) (>= netcoreapp2.2)) (&& (== netstandard2.1) (>= netcoreapp2.2))
      Microsoft.IdentityModel.Logging (>= 6.14.1)
      Microsoft.IdentityModel.Tokens (>= 6.14.1)
    Microsoft.IdentityModel.Protocols.OpenIdConnect (6.14.1) - restriction: || (== net5.0) (&& (== netstandard2.0) (>= netcoreapp2.2)) (&& (== netstandard2.1) (>= netcoreapp2.2))
      Microsoft.IdentityModel.Protocols (>= 6.14.1)
      System.IdentityModel.Tokens.Jwt (>= 6.14.1)
    Microsoft.IdentityModel.Protocols.WsFederation (6.14.1) - restriction: || (== net5.0) (&& (== netstandard2.0) (>= netcoreapp2.2)) (&& (== netstandard2.1) (>= netcoreapp2.2))
      Microsoft.IdentityModel.Protocols (>= 6.14.1)
      Microsoft.IdentityModel.Tokens.Saml (>= 6.14.1)
      Microsoft.IdentityModel.Xml (>= 6.14.1)
      System.Xml.XmlDocument (>= 4.3)
    Microsoft.IdentityModel.Tokens (6.14.1) - restriction: || (== net5.0) (&& (== netstandard2.0) (>= netcoreapp2.2)) (&& (== netstandard2.1) (>= netcoreapp2.2))
      Microsoft.CSharp (>= 4.5)
      Microsoft.IdentityModel.Logging (>= 6.14.1)
      System.Security.Cryptography.Cng (>= 4.5)
    Microsoft.IdentityModel.Tokens.Saml (6.14.1) - restriction: || (== net5.0) (&& (== netstandard2.0) (>= netcoreapp2.2)) (&& (== netstandard2.1) (>= netcoreapp2.2))
      Microsoft.IdentityModel.Tokens (>= 6.14.1)
      Microsoft.IdentityModel.Xml (>= 6.14.1)
    Microsoft.IdentityModel.Xml (6.14.1) - restriction: || (== net5.0) (&& (== netstandard2.0) (>= netcoreapp2.2)) (&& (== netstandard2.1) (>= netcoreapp2.2))
      Microsoft.IdentityModel.Tokens (>= 6.14.1)
    Microsoft.Net.Http.Headers (2.2.8) - restriction: || (== net5.0) (&& (== netstandard2.0) (>= netcoreapp2.2)) (&& (== netstandard2.1) (>= netcoreapp2.2))
      Microsoft.Extensions.Primitives (>= 2.2)
      System.Buffers (>= 4.5)
    Microsoft.NET.Test.Sdk (17.0)
      Microsoft.CodeCoverage (>= 17.0) - restriction: || (== net5.0) (&& (== netstandard2.0) (>= net45)) (&& (== netstandard2.0) (>= netcoreapp1.0)) (&& (== netstandard2.1) (>= net45)) (&& (== netstandard2.1) (>= netcoreapp1.0))
      Microsoft.TestPlatform.TestHost (>= 17.0) - restriction: || (== net5.0) (&& (== netstandard2.0) (>= netcoreapp1.0)) (&& (== netstandard2.1) (>= netcoreapp1.0))
    Microsoft.NETCore.Platforms (6.0)
    Microsoft.NETCore.Targets (5.0) - restriction: || (== net5.0) (&& (== netstandard2.0) (>= netcoreapp2.2)) (&& (== netstandard2.1) (>= netcoreapp2.2))
    Microsoft.TestPlatform.ObjectModel (17.0) - restriction: || (== net5.0) (&& (== netstandard2.0) (>= netcoreapp1.0)) (&& (== netstandard2.1) (>= netcoreapp1.0))
      NuGet.Frameworks (>= 5.0)
      System.Reflection.Metadata (>= 1.6)
    Microsoft.TestPlatform.TestHost (17.0) - restriction: || (== net5.0) (&& (== netstandard2.0) (>= netcoreapp1.0)) (&& (== netstandard2.1) (>= netcoreapp1.0))
      Microsoft.TestPlatform.ObjectModel (>= 17.0) - restriction: || (== net5.0) (&& (== netstandard2.0) (>= netcoreapp1.0)) (&& (== netstandard2.0) (>= uap10.0)) (&& (== netstandard2.1) (>= netcoreapp1.0)) (&& (== netstandard2.1) (>= uap10.0))
      Newtonsoft.Json (>= 9.0.1) - restriction: || (== net5.0) (&& (== netstandard2.0) (>= netcoreapp1.0)) (&& (== netstandard2.0) (>= uap10.0)) (&& (== netstandard2.1) (>= netcoreapp1.0)) (&& (== netstandard2.1) (>= uap10.0))
    Microsoft.Win32.Registry (5.0) - restriction: || (== net5.0) (&& (== netstandard2.0) (>= netcoreapp2.2)) (&& (== netstandard2.0) (>= netcoreapp3.1)) (&& (== netstandard2.1) (>= netcoreapp2.2)) (&& (== netstandard2.1) (>= netcoreapp3.1))
      System.Security.AccessControl (>= 5.0)
      System.Security.Principal.Windows (>= 5.0)
    NETStandard.Library (2.0.3)
      Microsoft.NETCore.Platforms (>= 1.1)
    Newtonsoft.Json (13.0.1)
    Newtonsoft.Json.Bson (1.0.2) - restriction: || (== net5.0) (&& (== netstandard2.0) (>= netcoreapp2.2)) (&& (== netstandard2.1) (>= netcoreapp2.2))
      Newtonsoft.Json (>= 12.0.1)
    NuGet.Frameworks (6.0) - restriction: || (== net5.0) (&& (== netstandard2.0) (>= netcoreapp1.0)) (&& (== netstandard2.0) (>= netcoreapp2.1)) (&& (== netstandard2.1) (>= netcoreapp1.0)) (&& (== netstandard2.1) (>= netcoreapp2.1))
    NUnit (3.13.2)
      NETStandard.Library (>= 2.0)
    NUnit3TestAdapter (4.1)
    Remotion.Linq (2.2) - restriction: || (== net5.0) (&& (== netstandard2.0) (>= netcoreapp2.2)) (&& (== netstandard2.1) (>= netcoreapp2.2))
      System.Collections (>= 4.0.11)
      System.Diagnostics.Debug (>= 4.0.11)
      System.Linq (>= 4.1)
      System.Linq.Expressions (>= 4.1)
      System.Linq.Queryable (>= 4.0.1)
      System.ObjectModel (>= 4.0.12)
      System.Reflection (>= 4.1)
      System.Reflection.Extensions (>= 4.0.1)
      System.Runtime (>= 4.1)
      System.Runtime.Extensions (>= 4.1)
      System.Threading (>= 4.0.11)
    runtime.native.System.Data.SqlClient.sni (4.7) - restriction: || (== net5.0) (&& (== netstandard2.0) (>= netcoreapp2.2)) (&& (== netstandard2.0) (>= netcoreapp3.1)) (&& (== netstandard2.1) (>= netcoreapp2.2)) (&& (== netstandard2.1) (>= netcoreapp3.1))
      runtime.win-arm64.runtime.native.System.Data.SqlClient.sni (>= 4.4)
      runtime.win-x64.runtime.native.System.Data.SqlClient.sni (>= 4.4)
      runtime.win-x86.runtime.native.System.Data.SqlClient.sni (>= 4.4)
    runtime.win-arm64.runtime.native.System.Data.SqlClient.sni (4.4) - restriction: || (== net5.0) (&& (== netstandard2.0) (>= netcoreapp2.2)) (&& (== netstandard2.0) (>= netcoreapp3.1)) (&& (== netstandard2.1) (>= netcoreapp2.2)) (&& (== netstandard2.1) (>= netcoreapp3.1))
    runtime.win-x64.runtime.native.System.Data.SqlClient.sni (4.4) - restriction: || (== net5.0) (&& (== netstandard2.0) (>= netcoreapp2.2)) (&& (== netstandard2.0) (>= netcoreapp3.1)) (&& (== netstandard2.1) (>= netcoreapp2.2)) (&& (== netstandard2.1) (>= netcoreapp3.1))
    runtime.win-x86.runtime.native.System.Data.SqlClient.sni (4.4) - restriction: || (== net5.0) (&& (== netstandard2.0) (>= netcoreapp2.2)) (&& (== netstandard2.0) (>= netcoreapp3.1)) (&& (== netstandard2.1) (>= netcoreapp2.2)) (&& (== netstandard2.1) (>= netcoreapp3.1))
    System.Buffers (4.5.1) - restriction: || (== net5.0) (&& (== netstandard2.0) (>= netcoreapp2.2)) (&& (== netstandard2.1) (>= netcoreapp2.2))
    System.Collections (4.3) - restriction: || (== net5.0) (&& (== netstandard2.0) (>= netcoreapp2.2)) (&& (== netstandard2.1) (>= netcoreapp2.2))
      Microsoft.NETCore.Platforms (>= 1.1)
      Microsoft.NETCore.Targets (>= 1.1)
      System.Runtime (>= 4.3)
    System.Collections.Immutable (6.0) - restriction: || (== net5.0) (&& (== netstandard2.0) (>= netcoreapp2.2)) (&& (== netstandard2.1) (>= netcoreapp2.2))
      System.Memory (>= 4.5.4)
      System.Runtime.CompilerServices.Unsafe (>= 6.0)
    System.ComponentModel.Annotations (5.0) - restriction: || (== net5.0) (&& (== netstandard2.0) (>= netcoreapp2.2)) (&& (== netstandard2.1) (>= netcoreapp2.2))
    System.Data.SqlClient (4.8.3) - restriction: || (== net5.0) (&& (== netstandard2.0) (>= netcoreapp2.2)) (&& (== netstandard2.1) (>= netcoreapp2.2))
      Microsoft.Win32.Registry (>= 4.7)
      runtime.native.System.Data.SqlClient.sni (>= 4.7)
      System.Security.Principal.Windows (>= 4.7)
    System.Diagnostics.Debug (4.3) - restriction: || (== net5.0) (&& (== netstandard2.0) (>= netcoreapp2.2)) (&& (== netstandard2.1) (>= netcoreapp2.2))
      Microsoft.NETCore.Platforms (>= 1.1)
      Microsoft.NETCore.Targets (>= 1.1)
      System.Runtime (>= 4.3)
    System.Diagnostics.DiagnosticSource (6.0) - restriction: || (== net5.0) (&& (== netstandard2.0) (>= netcoreapp2.2)) (&& (== netstandard2.1) (>= netcoreapp2.2))
      System.Runtime.CompilerServices.Unsafe (>= 6.0)
    System.Formats.Asn1 (6.0) - restriction: || (== net5.0) (&& (== netstandard2.0) (>= net6.0)) (&& (== netstandard2.0) (>= netcoreapp2.2)) (&& (== netstandard2.1) (>= net6.0)) (&& (== netstandard2.1) (>= netcoreapp2.2))
      System.Buffers (>= 4.5.1)
      System.Memory (>= 4.5.4)
    System.Globalization (4.3) - restriction: || (== net5.0) (&& (== netstandard2.0) (>= netcoreapp2.2)) (&& (== netstandard2.1) (>= netcoreapp2.2))
      Microsoft.NETCore.Platforms (>= 1.1)
      Microsoft.NETCore.Targets (>= 1.1)
      System.Runtime (>= 4.3)
    System.IdentityModel.Tokens.Jwt (6.14.1) - restriction: || (== net5.0) (&& (== netstandard2.0) (>= netcoreapp2.2)) (&& (== netstandard2.1) (>= netcoreapp2.2))
      Microsoft.IdentityModel.JsonWebTokens (>= 6.14.1)
      Microsoft.IdentityModel.Tokens (>= 6.14.1)
    System.Interactive.Async (5.0) - restriction: || (== net5.0) (&& (== netstandard2.0) (>= netcoreapp2.2)) (&& (== netstandard2.1) (>= netcoreapp2.2))
      System.Linq.Async (>= 5.0)
    System.IO (4.3) - restriction: || (== net5.0) (&& (== netstandard2.0) (>= netcoreapp2.2)) (&& (== netstandard2.1) (>= netcoreapp2.2))
      Microsoft.NETCore.Platforms (>= 1.1)
      Microsoft.NETCore.Targets (>= 1.1)
      System.Runtime (>= 4.3)
      System.Text.Encoding (>= 4.3)
      System.Threading.Tasks (>= 4.3)
    System.IO.FileSystem (4.3) - restriction: || (== net5.0) (&& (== netstandard2.0) (>= netcoreapp2.2)) (&& (== netstandard2.1) (>= netcoreapp2.2))
      Microsoft.NETCore.Platforms (>= 1.1)
      Microsoft.NETCore.Targets (>= 1.1)
      System.IO (>= 4.3)
      System.IO.FileSystem.Primitives (>= 4.3)
      System.Runtime (>= 4.3)
      System.Runtime.Handles (>= 4.3)
      System.Text.Encoding (>= 4.3)
      System.Threading.Tasks (>= 4.3)
    System.IO.FileSystem.Primitives (4.3) - restriction: || (== net5.0) (&& (== netstandard2.0) (>= netcoreapp2.2)) (&& (== netstandard2.1) (>= netcoreapp2.2))
      System.Runtime (>= 4.3)
    System.IO.Pipelines (6.0) - restriction: || (== net5.0) (&& (== netstandard2.0) (>= net5.0)) (&& (== netstandard2.1) (>= net5.0))
    System.Linq (4.3) - restriction: || (== net5.0) (&& (== netstandard2.0) (>= netcoreapp2.2)) (&& (== netstandard2.1) (>= netcoreapp2.2))
      System.Collections (>= 4.3)
      System.Diagnostics.Debug (>= 4.3)
      System.Resources.ResourceManager (>= 4.3)
      System.Runtime (>= 4.3)
      System.Runtime.Extensions (>= 4.3)
    System.Linq.Async (5.0) - restriction: || (== net5.0) (&& (== netstandard2.0) (>= netcoreapp2.2)) (&& (== netstandard2.1) (>= netcoreapp2.2))
    System.Linq.Expressions (4.3) - restriction: || (== net5.0) (&& (== netstandard2.0) (>= netcoreapp2.2)) (&& (== netstandard2.1) (>= netcoreapp2.2))
      System.Collections (>= 4.3)
      System.Diagnostics.Debug (>= 4.3)
      System.Globalization (>= 4.3)
      System.IO (>= 4.3)
      System.Linq (>= 4.3)
      System.ObjectModel (>= 4.3)
      System.Reflection (>= 4.3)
      System.Reflection.Emit (>= 4.3)
      System.Reflection.Emit.ILGeneration (>= 4.3)
      System.Reflection.Emit.Lightweight (>= 4.3)
      System.Reflection.Extensions (>= 4.3)
      System.Reflection.Primitives (>= 4.3)
      System.Reflection.TypeExtensions (>= 4.3)
      System.Resources.ResourceManager (>= 4.3)
      System.Runtime (>= 4.3)
      System.Runtime.Extensions (>= 4.3)
      System.Threading (>= 4.3)
    System.Linq.Queryable (4.3) - restriction: || (== net5.0) (&& (== netstandard2.0) (>= netcoreapp2.2)) (&& (== netstandard2.1) (>= netcoreapp2.2))
      System.Collections (>= 4.3)
      System.Diagnostics.Debug (>= 4.3)
      System.Linq (>= 4.3)
      System.Linq.Expressions (>= 4.3)
      System.Reflection (>= 4.3)
      System.Reflection.Extensions (>= 4.3)
      System.Resources.ResourceManager (>= 4.3)
      System.Runtime (>= 4.3)
    System.Memory (4.5.4) - restriction: || (== net5.0) (&& (== netstandard2.0) (>= netcoreapp2.2)) (&& (== netstandard2.1) (>= netcoreapp2.2))
    System.Net.WebSockets.WebSocketProtocol (5.0) - restriction: || (== net5.0) (&& (== netstandard2.0) (>= netcoreapp2.2)) (&& (== netstandard2.1) (>= netcoreapp2.2))
    System.Numerics.Vectors (4.5) - restriction: || (== net5.0) (&& (== netstandard2.0) (>= netcoreapp2.2)) (&& (== netstandard2.1) (>= netcoreapp2.2))
    System.ObjectModel (4.3) - restriction: || (== net5.0) (&& (== netstandard2.0) (>= netcoreapp2.2)) (&& (== netstandard2.1) (>= netcoreapp2.2))
      System.Collections (>= 4.3)
      System.Diagnostics.Debug (>= 4.3)
      System.Resources.ResourceManager (>= 4.3)
      System.Runtime (>= 4.3)
      System.Threading (>= 4.3)
    System.Reflection (4.3) - restriction: || (== net5.0) (&& (== netstandard2.0) (>= netcoreapp2.2)) (&& (== netstandard2.1) (>= netcoreapp2.2))
      Microsoft.NETCore.Platforms (>= 1.1)
      Microsoft.NETCore.Targets (>= 1.1)
      System.IO (>= 4.3)
      System.Reflection.Primitives (>= 4.3)
      System.Runtime (>= 4.3)
    System.Reflection.Emit (4.7) - restriction: || (== net5.0) (&& (== netstandard2.0) (>= netcoreapp2.2)) (&& (== netstandard2.1) (>= netcoreapp2.2))
    System.Reflection.Emit.ILGeneration (4.7) - restriction: || (== net5.0) (&& (== netstandard2.0) (>= netcoreapp2.2)) (&& (== netstandard2.1) (>= netcoreapp2.2))
    System.Reflection.Emit.Lightweight (4.7) - restriction: || (== net5.0) (&& (== netstandard2.0) (>= netcoreapp2.2)) (&& (== netstandard2.1) (>= netcoreapp2.2))
    System.Reflection.Extensions (4.3) - restriction: || (== net5.0) (&& (== netstandard2.0) (>= netcoreapp2.2)) (&& (== netstandard2.1) (>= netcoreapp2.2))
      Microsoft.NETCore.Platforms (>= 1.1)
      Microsoft.NETCore.Targets (>= 1.1)
      System.Reflection (>= 4.3)
      System.Runtime (>= 4.3)
    System.Reflection.Metadata (6.0) - restriction: || (== net5.0) (&& (== netstandard2.0) (>= netcoreapp2.2)) (&& (== netstandard2.1) (>= netcoreapp2.2))
      System.Collections.Immutable (>= 6.0)
    System.Reflection.Primitives (4.3) - restriction: || (== net5.0) (&& (== netstandard2.0) (>= netcoreapp2.2)) (&& (== netstandard2.1) (>= netcoreapp2.2))
      Microsoft.NETCore.Platforms (>= 1.1)
      Microsoft.NETCore.Targets (>= 1.1)
      System.Runtime (>= 4.3)
    System.Reflection.TypeExtensions (4.7) - restriction: || (== net5.0) (&& (== netstandard2.0) (>= netcoreapp2.2)) (&& (== netstandard2.1) (>= netcoreapp2.2))
    System.Resources.ResourceManager (4.3) - restriction: || (== net5.0) (&& (== netstandard2.0) (>= netcoreapp2.2)) (&& (== netstandard2.1) (>= netcoreapp2.2))
      Microsoft.NETCore.Platforms (>= 1.1)
      Microsoft.NETCore.Targets (>= 1.1)
      System.Globalization (>= 4.3)
      System.Reflection (>= 4.3)
      System.Runtime (>= 4.3)
    System.Runtime (4.3.1) - restriction: || (== net5.0) (&& (== netstandard2.0) (>= netcoreapp2.2)) (&& (== netstandard2.1) (>= netcoreapp2.2))
      Microsoft.NETCore.Platforms (>= 1.1.1)
      Microsoft.NETCore.Targets (>= 1.1.3)
    System.Runtime.CompilerServices.Unsafe (6.0) - restriction: || (== net5.0) (&& (== netstandard2.0) (>= netcoreapp2.2)) (&& (== netstandard2.1) (>= netcoreapp2.2))
    System.Runtime.Extensions (4.3.1) - restriction: || (== net5.0) (&& (== netstandard2.0) (>= netcoreapp2.2)) (&& (== netstandard2.1) (>= netcoreapp2.2))
      Microsoft.NETCore.Platforms (>= 1.1.1)
      Microsoft.NETCore.Targets (>= 1.1.3)
      System.Runtime (>= 4.3.1)
    System.Runtime.Handles (4.3) - restriction: || (== net5.0) (&& (== netstandard2.0) (>= netcoreapp2.2)) (&& (== netstandard2.1) (>= netcoreapp2.2))
      Microsoft.NETCore.Platforms (>= 1.1)
      Microsoft.NETCore.Targets (>= 1.1)
      System.Runtime (>= 4.3)
    System.Runtime.InteropServices (4.3) - restriction: || (== net5.0) (&& (== netstandard2.0) (>= netcoreapp2.2)) (&& (== netstandard2.1) (>= netcoreapp2.2))
      Microsoft.NETCore.Platforms (>= 1.1)
      Microsoft.NETCore.Targets (>= 1.1)
      System.Reflection (>= 4.3)
      System.Reflection.Primitives (>= 4.3)
      System.Runtime (>= 4.3)
      System.Runtime.Handles (>= 4.3)
    System.Security.AccessControl (6.0) - restriction: || (== net5.0) (&& (== netstandard2.0) (>= netcoreapp2.2)) (&& (== netstandard2.1) (>= netcoreapp2.2))
      System.Security.Principal.Windows (>= 5.0)
    System.Security.Cryptography.Cng (5.0) - restriction: || (== net5.0) (&& (== netstandard2.0) (>= net6.0)) (&& (== netstandard2.0) (>= netcoreapp2.2)) (&& (== netstandard2.0) (>= netcoreapp3.1)) (&& (== netstandard2.1) (>= net6.0)) (&& (== netstandard2.1) (>= netcoreapp2.2)) (&& (== netstandard2.1) (>= netcoreapp3.1))
      System.Formats.Asn1 (>= 5.0) - restriction: || (== net5.0) (&& (== netstandard2.0) (>= netcoreapp3.0)) (&& (== netstandard2.1) (>= netcoreapp3.0))
    System.Security.Cryptography.Pkcs (6.0) - restriction: || (== net5.0) (&& (== netstandard2.0) (>= net6.0)) (&& (== netstandard2.0) (>= netcoreapp2.2)) (&& (== netstandard2.1) (>= net6.0)) (&& (== netstandard2.1) (>= netcoreapp2.2))
      System.Formats.Asn1 (>= 6.0)
      System.Security.Cryptography.Cng (>= 5.0)
    System.Security.Cryptography.Xml (6.0) - restriction: || (== net5.0) (&& (== netstandard2.0) (>= netcoreapp2.2)) (&& (== netstandard2.1) (>= netcoreapp2.2))
      System.Memory (>= 4.5.4)
      System.Security.AccessControl (>= 6.0)
      System.Security.Cryptography.Pkcs (>= 6.0)
    System.Security.Principal.Windows (5.0) - restriction: || (== net5.0) (&& (== netstandard2.0) (>= netcoreapp2.2)) (&& (== netstandard2.1) (>= netcoreapp2.2))
    System.Text.Encoding (4.3) - restriction: || (== net5.0) (&& (== netstandard2.0) (>= netcoreapp2.2)) (&& (== netstandard2.1) (>= netcoreapp2.2))
      Microsoft.NETCore.Platforms (>= 1.1)
      Microsoft.NETCore.Targets (>= 1.1)
      System.Runtime (>= 4.3)
    System.Text.Encoding.CodePages (6.0) - restriction: || (== net5.0) (&& (== netstandard2.0) (>= netcoreapp2.2)) (&& (== netstandard2.1) (>= netcoreapp2.2))
      System.Runtime.CompilerServices.Unsafe (>= 6.0)
    System.Text.Encoding.Extensions (4.3) - restriction: || (== net5.0) (&& (== netstandard2.0) (>= netcoreapp2.2)) (&& (== netstandard2.1) (>= netcoreapp2.2))
      Microsoft.NETCore.Platforms (>= 1.1)
      Microsoft.NETCore.Targets (>= 1.1)
      System.Runtime (>= 4.3)
      System.Text.Encoding (>= 4.3)
    System.Text.Encodings.Web (6.0) - restriction: || (== net5.0) (&& (== netstandard2.0) (>= netcoreapp2.2)) (&& (== netstandard2.1) (>= netcoreapp2.2))
      System.Runtime.CompilerServices.Unsafe (>= 6.0)
    System.Text.Json (6.0) - restriction: || (== net5.0) (&& (== netstandard2.0) (>= netcoreapp2.2)) (&& (== netstandard2.1) (>= netcoreapp2.2))
      System.Runtime.CompilerServices.Unsafe (>= 6.0)
      System.Text.Encodings.Web (>= 6.0)
    System.Text.RegularExpressions (4.3.1) - restriction: || (== net5.0) (&& (== netstandard2.0) (>= netcoreapp2.2)) (&& (== netstandard2.1) (>= netcoreapp2.2))
      System.Runtime (>= 4.3.1)
    System.Threading (4.3) - restriction: || (== net5.0) (&& (== netstandard2.0) (>= netcoreapp2.2)) (&& (== netstandard2.1) (>= netcoreapp2.2))
      System.Runtime (>= 4.3)
      System.Threading.Tasks (>= 4.3)
    System.Threading.Channels (6.0) - restriction: || (== net5.0) (&& (== netstandard2.0) (>= netcoreapp2.2)) (&& (== netstandard2.1) (>= netcoreapp2.2))
    System.Threading.Tasks (4.3) - restriction: || (== net5.0) (&& (== netstandard2.0) (>= netcoreapp2.2)) (&& (== netstandard2.1) (>= netcoreapp2.2))
      Microsoft.NETCore.Platforms (>= 1.1)
      Microsoft.NETCore.Targets (>= 1.1)
      System.Runtime (>= 4.3)
    System.Threading.Tasks.Extensions (4.5.4) - restriction: || (== net5.0) (&& (== netstandard2.0) (>= netcoreapp2.2)) (&& (== netstandard2.1) (>= netcoreapp2.2))
    System.Xml.ReaderWriter (4.3.1) - restriction: || (== net5.0) (&& (== netstandard2.0) (>= netcoreapp2.2)) (&& (== netstandard2.1) (>= netcoreapp2.2))
      System.Collections (>= 4.3)
      System.Diagnostics.Debug (>= 4.3)
      System.Globalization (>= 4.3)
      System.IO (>= 4.3)
      System.IO.FileSystem (>= 4.3)
      System.IO.FileSystem.Primitives (>= 4.3)
      System.Resources.ResourceManager (>= 4.3)
      System.Runtime (>= 4.3)
      System.Runtime.Extensions (>= 4.3)
      System.Runtime.InteropServices (>= 4.3)
      System.Text.Encoding (>= 4.3)
      System.Text.Encoding.Extensions (>= 4.3)
      System.Text.RegularExpressions (>= 4.3)
      System.Threading.Tasks (>= 4.3)
      System.Threading.Tasks.Extensions (>= 4.3)
    System.Xml.XmlDocument (4.3) - restriction: || (== net5.0) (&& (== netstandard2.0) (>= netcoreapp2.2)) (&& (== netstandard2.1) (>= netcoreapp2.2))
      System.Collections (>= 4.3)
      System.Diagnostics.Debug (>= 4.3)
      System.Globalization (>= 4.3)
      System.IO (>= 4.3)
      System.Resources.ResourceManager (>= 4.3)
      System.Runtime (>= 4.3)
      System.Runtime.Extensions (>= 4.3)
      System.Text.Encoding (>= 4.3)
      System.Threading (>= 4.3)
      System.Xml.ReaderWriter (>= 4.3)
